RESTRICTION: || (== net46) (== netstandard2.0) (== netcoreapp2.0)
NUGET
  remote: https://api.nuget.org/v3/index.json
    Akka (1.3.1)
      NETStandard.Library (>= 1.6.1) - restriction: || (&& (== net46) (>= netstandard1.6)) (== netstandard2.0) (== netcoreapp2.0)
      Newtonsoft.Json (>= 9.0.1)
      System.Collections.Immutable (>= 1.3.1)
      System.Diagnostics.TraceSource (>= 4.3) - restriction: || (&& (== net46) (>= netstandard1.6)) (== netstandard2.0) (== netcoreapp2.0)
      System.Net.NameResolution (>= 4.3) - restriction: || (&& (== net46) (>= netstandard1.6)) (== netstandard2.0) (== netcoreapp2.0)
      System.Reflection.Emit (>= 4.3) - restriction: || (&& (== net46) (>= netstandard1.6)) (== netstandard2.0) (== netcoreapp2.0)
      System.Reflection.TypeExtensions (>= 4.3) - restriction: || (&& (== net46) (>= netstandard1.6)) (== netstandard2.0) (== netcoreapp2.0)
      System.Threading.Thread (>= 4.3) - restriction: || (&& (== net46) (>= netstandard1.6)) (== netstandard2.0) (== netcoreapp2.0)
      System.Threading.ThreadPool (>= 4.3) - restriction: || (&& (== net46) (>= netstandard1.6)) (== netstandard2.0) (== netcoreapp2.0)
    Akka.TestKit (1.3.1)
      Akka (>= 1.3.1)
      NETStandard.Library (>= 1.6.1) - restriction: || (&& (== net46) (>= netstandard1.6)) (== netstandard2.0) (== netcoreapp2.0)
    Akka.TestKit.Xunit2 (1.3.1)
      Akka.TestKit (>= 1.3.1)
      NETStandard.Library (>= 1.6.1) - restriction: || (&& (== net46) (>= netstandard1.6)) (== netstandard2.0) (== netcoreapp2.0)
      xunit (>= 2.3.0-beta5-build3769)
    Argu (3.7)
      FSharp.Core (>= 4.0.1.7-alpha) - restriction: || (&& (== net46) (>= netstandard1.6)) (== netstandard2.0) (== netcoreapp2.0)
      NETStandard.Library (>= 1.6) - restriction: || (&& (== net46) (>= netstandard1.6)) (== netstandard2.0) (== netcoreapp2.0)
      System.Xml.XDocument (>= 4.0.11) - restriction: || (&& (== net46) (>= netstandard1.6)) (== netstandard2.0) (== netcoreapp2.0)
    Autofac (4.6.1)
      NETStandard.Library (>= 1.6) - restriction: || (&& (== net46) (< net45)) (== netstandard2.0) (== netcoreapp2.0)
      System.ComponentModel (>= 4.0.1) - restriction: || (&& (== net46) (< net45)) (== netstandard2.0) (== netcoreapp2.0)
    dotnet-xunit (2.3.0-beta5-build3769) - clitool: true
      Microsoft.NETCore.App (>= 1.0) - restriction: || (&& (== net46) (>= netcoreapp1.0)) (&& (== netstandard2.0) (>= netcoreapp1.0)) (== netcoreapp2.0)
    Expecto (5.0.1)
      Argu (>= 3.7)
      FSharp.Core (>= 4.1.12) - restriction: || (== net46) (&& (== netstandard2.0) (< netstandard1.6)) (&& (== netcoreapp2.0) (< netstandard1.6))
      FSharp.Core (>= 4.1.18) - restriction: || (&& (== net46) (>= netstandard1.6)) (== netstandard2.0) (== netcoreapp2.0)
      Mono.Cecil (>= 0.10.0-beta5)
      NETStandard.Library (>= 1.6.1) - restriction: || (&& (== net46) (>= netstandard1.6)) (== netstandard2.0) (== netcoreapp2.0)
      System.Diagnostics.FileVersionInfo (>= 4.3) - restriction: || (&& (== net46) (>= netstandard1.6)) (== netstandard2.0) (== netcoreapp2.0)
      System.Diagnostics.TraceSource (>= 4.3) - restriction: || (&& (== net46) (>= netstandard1.6)) (== netstandard2.0) (== netcoreapp2.0)
      System.Linq.Parallel (>= 4.3) - restriction: || (&& (== net46) (>= netstandard1.6)) (== netstandard2.0) (== netcoreapp2.0)
    FAKE (4.63.2)
    FSharp.Compiler.Tools (4.1.23)
    FSharp.Core (4.2.3)
      System.Collections (>= 4.0.11) - restriction: || (&& (== net46) (>= netstandard1.6)) (== netstandard2.0) (== netcoreapp2.0)
      System.Console (>= 4.0) - restriction: || (&& (== net46) (>= netstandard1.6)) (== netstandard2.0) (== netcoreapp2.0)
      System.Diagnostics.Debug (>= 4.0.11) - restriction: || (&& (== net46) (>= netstandard1.6)) (== netstandard2.0) (== netcoreapp2.0)
      System.Diagnostics.Tools (>= 4.0.1) - restriction: || (&& (== net46) (>= netstandard1.6)) (== netstandard2.0) (== netcoreapp2.0)
      System.Globalization (>= 4.0.11) - restriction: || (&& (== net46) (>= netstandard1.6)) (== netstandard2.0) (== netcoreapp2.0)
      System.IO (>= 4.1) - restriction: || (&& (== net46) (>= netstandard1.6)) (== netstandard2.0) (== netcoreapp2.0)
      System.Linq (>= 4.1) - restriction: || (&& (== net46) (>= netstandard1.6)) (== netstandard2.0) (== netcoreapp2.0)
      System.Linq.Expressions (>= 4.1) - restriction: || (&& (== net46) (>= netstandard1.6)) (== netstandard2.0) (== netcoreapp2.0)
      System.Linq.Queryable (>= 4.0.1) - restriction: || (&& (== net46) (>= netstandard1.6)) (== netstandard2.0) (== netcoreapp2.0)
      System.Net.Requests (>= 4.0.11) - restriction: || (&& (== net46) (>= netstandard1.6)) (== netstandard2.0) (== netcoreapp2.0)
      System.Reflection (>= 4.1) - restriction: || (&& (== net46) (>= netstandard1.6)) (== netstandard2.0) (== netcoreapp2.0)
      System.Reflection.Extensions (>= 4.0.1) - restriction: || (&& (== net46) (>= netstandard1.6)) (== netstandard2.0) (== netcoreapp2.0)
      System.Resources.ResourceManager (>= 4.0.1) - restriction: || (&& (== net46) (>= netstandard1.6)) (== netstandard2.0) (== netcoreapp2.0)
      System.Runtime (>= 4.1) - restriction: || (&& (== net46) (>= netstandard1.6)) (== netstandard2.0) (== netcoreapp2.0)
      System.Runtime.Extensions (>= 4.1) - restriction: || (&& (== net46) (>= netstandard1.6)) (== netstandard2.0) (== netcoreapp2.0)
      System.Runtime.Numerics (>= 4.0.1) - restriction: || (&& (== net46) (>= netstandard1.6)) (== netstandard2.0) (== netcoreapp2.0)
      System.Text.RegularExpressions (>= 4.1) - restriction: || (&& (== net46) (>= netstandard1.6)) (== netstandard2.0) (== netcoreapp2.0)
      System.Threading (>= 4.0.11) - restriction: || (&& (== net46) (>= netstandard1.6)) (== netstandard2.0) (== netcoreapp2.0)
      System.Threading.Tasks (>= 4.0.11) - restriction: || (&& (== net46) (>= netstandard1.6)) (== netstandard2.0) (== netcoreapp2.0)
      System.Threading.Tasks.Parallel (>= 4.0.1) - restriction: || (&& (== net46) (>= netstandard1.6)) (== netstandard2.0) (== netcoreapp2.0)
      System.Threading.Thread (>= 4.0) - restriction: || (&& (== net46) (>= netstandard1.6)) (== netstandard2.0) (== netcoreapp2.0)
      System.Threading.ThreadPool (>= 4.0.10) - restriction: || (&& (== net46) (>= netstandard1.6)) (== netstandard2.0) (== netcoreapp2.0)
      System.Threading.Timer (>= 4.0.1) - restriction: || (&& (== net46) (>= netstandard1.6)) (== netstandard2.0) (== netcoreapp2.0)
    FSharp.NET.Sdk (1.0.5)
      FSharp.Compiler.Tools (>= 4.1.17)
    Hopac (0.3.23)
      FSharp.Core (>= 3.1.2.5) - restriction: || (== net46) (&& (== netstandard2.0) (< netstandard1.6)) (&& (== netcoreapp2.0) (< netstandard1.6))
      FSharp.Core (>= 4.0.1.7-alpha) - restriction: || (&& (== net46) (>= netstandard1.6)) (== netstandard2.0) (== netcoreapp2.0)
      NETStandard.Library (>= 1.6) - restriction: || (&& (== net46) (>= netstandard1.6)) (== netstandard2.0) (== netcoreapp2.0)
    Microsoft.CSharp (4.4) - restriction: || (&& (== net46) (== netstandard2.0)) (&& (== net46) (== netcoreapp2.0)) (&& (== net46) (< net20)) (== netstandard2.0) (&& (== netstandard2.0) (== netcoreapp2.0)) (== netcoreapp2.0)
    Microsoft.DotNet.PlatformAbstractions (2.0) - restriction: || (&& (== net46) (>= netcoreapp1.0)) (&& (== netstandard2.0) (>= netcoreapp1.0)) (== netcoreapp2.0)
      System.AppContext (>= 4.1) - restriction: || (&& (== net46) (< net45)) (== netstandard2.0) (== netcoreapp2.0)
      System.Collections (>= 4.0.11) - restriction: || (&& (== net46) (< net45)) (== netstandard2.0) (== netcoreapp2.0)
      System.IO (>= 4.1) - restriction: || (&& (== net46) (< net45)) (== netstandard2.0) (== netcoreapp2.0)
      System.IO.FileSystem (>= 4.0.1) - restriction: || (&& (== net46) (< net45)) (== netstandard2.0) (== netcoreapp2.0)
      System.Reflection.TypeExtensions (>= 4.1) - restriction: || (&& (== net46) (< net45)) (== netstandard2.0) (== netcoreapp2.0)
      System.Runtime.Extensions (>= 4.1) - restriction: || (&& (== net46) (< net45)) (== netstandard2.0) (== netcoreapp2.0)
      System.Runtime.InteropServices (>= 4.1) - restriction: || (&& (== net46) (< net45)) (== netstandard2.0) (== netcoreapp2.0)
      System.Runtime.InteropServices.RuntimeInformation (>= 4.0) - restriction: || (&& (== net46) (< net45)) (== netstandard2.0) (== netcoreapp2.0)
    Microsoft.DotNet.Watcher.Tools (2.0) - clitool: true
      Microsoft.NETCore.App (>= 2.0) - restriction: || (&& (== net46) (>= netcoreapp2.0)) (&& (== netstandard2.0) (>= netcoreapp2.0)) (== netcoreapp2.0)
    Microsoft.Extensions.DependencyModel (2.0) - restriction: || (&& (== net46) (>= netcoreapp1.0)) (&& (== netstandard2.0) (>= netcoreapp1.0)) (== netcoreapp2.0)
      Microsoft.DotNet.PlatformAbstractions (>= 2.0)
      Newtonsoft.Json (>= 9.0.1)
      System.Diagnostics.Debug (>= 4.0.11) - restriction: || (&& (== net46) (< net451)) (&& (== net46) (>= netstandard1.6)) (== netstandard2.0) (== netcoreapp2.0)
      System.Dynamic.Runtime (>= 4.0.11) - restriction: || (&& (== net46) (< net451)) (&& (== net46) (>= netstandard1.6)) (== netstandard2.0) (== netcoreapp2.0)
      System.Linq (>= 4.1) - restriction: || (&& (== net46) (< net451)) (&& (== net46) (>= netstandard1.6)) (== netstandard2.0) (== netcoreapp2.0)
    Microsoft.Extensions.Primitives (2.0) - restriction: || (&& (== net46) (== netstandard2.0)) (&& (== net46) (== netcoreapp2.0)) (&& (== net46) (>= net461)) (&& (== net46) (>= netstandard1.6)) (== netstandard2.0) (&& (== netstandard2.0) (== netcoreapp2.0)) (== netcoreapp2.0)
      System.Runtime.CompilerServices.Unsafe (>= 4.4) - restriction: || (&& (== net46) (>= netstandard2.0)) (== netstandard2.0) (== netcoreapp2.0)
    Microsoft.NET.Test.Sdk (15.3)
      Microsoft.TestPlatform.TestHost (>= 15.3)
    Microsoft.NETCore.App (2.0) - restriction: || (&& (== net46) (>= netcoreapp1.0)) (&& (== net46) (>= netcoreapp2.0)) (&& (== netstandard2.0) (>= netcoreapp1.0)) (&& (== netstandard2.0) (>= netcoreapp2.0)) (== netcoreapp2.0)
      Microsoft.NETCore.DotNetHostPolicy (>= 2.0) - restriction: || (&& (== net46) (>= netcoreapp2.0)) (&& (== netstandard2.0) (>= netcoreapp2.0)) (== netcoreapp2.0)
      Microsoft.NETCore.Platforms (>= 2.0) - restriction: || (&& (== net46) (>= netcoreapp2.0)) (&& (== netstandard2.0) (>= netcoreapp2.0)) (== netcoreapp2.0)
      NETStandard.Library (>= 2.0) - restriction: || (&& (== net46) (>= netcoreapp2.0)) (&& (== netstandard2.0) (>= netcoreapp2.0)) (== netcoreapp2.0)
    Microsoft.NETCore.DotNetAppHost (2.0) - restriction: || (&& (== net46) (== netstandard2.0) (>= netcoreapp2.0)) (&& (== net46) (== netcoreapp2.0)) (&& (== net46) (>= netcoreapp2.0)) (&& (== netstandard2.0) (== netcoreapp2.0)) (&& (== netstandard2.0) (>= netcoreapp2.0)) (== netcoreapp2.0)
    Microsoft.NETCore.DotNetHostPolicy (2.0) - restriction: || (&& (== net46) (== netstandard2.0) (>= netcoreapp2.0)) (&& (== net46) (== netcoreapp2.0)) (&& (== net46) (>= netcoreapp2.0)) (&& (== netstandard2.0) (== netcoreapp2.0)) (&& (== netstandard2.0) (>= netcoreapp2.0)) (== netcoreapp2.0)
      Microsoft.NETCore.DotNetHostResolver (>= 2.0)
    Microsoft.NETCore.DotNetHostResolver (2.0) - restriction: || (&& (== net46) (== netstandard2.0) (>= netcoreapp2.0)) (&& (== net46) (== netcoreapp2.0)) (&& (== net46) (>= netcoreapp2.0)) (&& (== netstandard2.0) (== netcoreapp2.0)) (&& (== netstandard2.0) (>= netcoreapp2.0)) (== netcoreapp2.0)
      Microsoft.NETCore.DotNetAppHost (>= 2.0)
    Microsoft.NETCore.Platforms (2.0)
    Microsoft.NETCore.Targets (2.0) - restriction: || (&& (== net46) (< net45)) (&& (== net46) (>= dnxcore50)) (&& (== net46) (< netstandard1.1)) (&& (== net46) (>= netstandard1.6)) (&& (== net46) (>= netcoreapp1.1)) (== netstandard2.0) (== netcoreapp2.0)
    Microsoft.TestPlatform.ObjectModel (15.3) - restriction: || (&& (== net46) (>= netcoreapp1.0)) (&& (== netstandard2.0) (>= netcoreapp1.0)) (== netcoreapp2.0)
      NETStandard.Library (>= 1.6.1) - restriction: || (== netstandard2.0) (== netcoreapp2.0)
      System.ComponentModel.EventBasedAsync (>= 4.3) - restriction: || (== netstandard2.0) (== netcoreapp2.0)
      System.ComponentModel.TypeConverter (>= 4.3) - restriction: || (== netstandard2.0) (== netcoreapp2.0)
      System.Diagnostics.Process (>= 4.3) - restriction: || (== netstandard2.0) (== netcoreapp2.0)
      System.Diagnostics.TextWriterTraceListener (>= 4.3) - restriction: || (== netstandard2.0) (== netcoreapp2.0)
      System.Diagnostics.TraceSource (>= 4.3) - restriction: || (== netstandard2.0) (== netcoreapp2.0)
      System.Reflection.Metadata (>= 1.3)
      System.Reflection.TypeExtensions (>= 4.3) - restriction: || (== netstandard2.0) (== netcoreapp2.0)
      System.Runtime.InteropServices.RuntimeInformation (>= 4.3)
      System.Runtime.Loader (>= 4.3) - restriction: || (== netstandard2.0) (== netcoreapp2.0)
      System.Runtime.Serialization.Json (>= 4.3) - restriction: || (== netstandard2.0) (== netcoreapp2.0)
      System.Runtime.Serialization.Primitives (>= 4.3) - restriction: || (== netstandard2.0) (== netcoreapp2.0)
      System.Threading.Thread (>= 4.3) - restriction: || (== netstandard2.0) (== netcoreapp2.0)
      System.Xml.XPath.XmlDocument (>= 4.0.1) - restriction: || (== netstandard2.0) (== netcoreapp2.0)
    Microsoft.TestPlatform.TestHost (15.3)
      Microsoft.Extensions.DependencyModel (>= 1.0.3) - restriction: || (&& (== net46) (>= netcoreapp1.0)) (&& (== netstandard2.0) (>= netcoreapp1.0)) (== netcoreapp2.0)
      Microsoft.TestPlatform.ObjectModel (>= 15.3) - restriction: || (&& (== net46) (>= netcoreapp1.0)) (&& (== netstandard2.0) (>= netcoreapp1.0)) (== netcoreapp2.0)
      Newtonsoft.Json (>= 9.0.1) - restriction: || (&& (== net46) (>= netcoreapp1.0)) (&& (== netstandard2.0) (>= netcoreapp1.0)) (== netcoreapp2.0)
    Microsoft.Win32.Primitives (4.3) - restriction: || (&& (== net46) (>= netstandard1.6)) (== netstandard2.0) (== netcoreapp2.0)
      Microsoft.NETCore.Platforms (>= 1.1) - restriction: || (== netstandard2.0) (== netcoreapp2.0)
      Microsoft.NETCore.Targets (>= 1.1) - restriction: || (== netstandard2.0) (== netcoreapp2.0)
      System.Runtime (>= 4.3) - restriction: || (== netstandard2.0) (== netcoreapp2.0)
    Microsoft.Win32.Registry (4.4) - restriction: || (&& (== net46) (== netstandard2.0)) (&& (== net46) (== netcoreapp2.0)) (&& (== net46) (>= netstandard1.6)) (== netstandard2.0) (&& (== netstandard2.0) (== netcoreapp2.0)) (== netcoreapp2.0)
      Microsoft.NETCore.Platforms (>= 2.0) - restriction: || (&& (== net46) (>= netcoreapp2.0)) (&& (== netstandard2.0) (>= netcoreapp2.0)) (== netcoreapp2.0)
      System.Security.AccessControl (>= 4.4) - restriction: || (&& (== net46) (>= net461)) (&& (== net46) (< netstandard1.3) (>= monoandroid)) (&& (== net46) (>= netstandard2.0)) (&& (== net46) (>= monotouch)) (&& (== net46) (>= xamarintvos)) (&& (== net46) (>= xamarinwatchos)) (&& (== net46) (>= xamarinios)) (&& (== net46) (>= xamarinmac)) (== netstandard2.0) (== netcoreapp2.0)
      System.Security.Principal.Windows (>= 4.4) - restriction: || (&& (== net46) (>= net461)) (&& (== net46) (< netstandard1.3) (>= monoandroid)) (&& (== net46) (>= netstandard2.0)) (&& (== net46) (>= monotouch)) (&& (== net46) (>= xamarintvos)) (&& (== net46) (>= xamarinwatchos)) (&& (== net46) (>= xamarinios)) (&& (== net46) (>= xamarinmac)) (== netstandard2.0) (== netcoreapp2.0)
    MongoDB.Bson (2.4.4)
      NETStandard.Library (>= 1.6) - restriction: || (&& (== net46) (< net45) (>= netstandard1.5)) (== netstandard2.0) (== netcoreapp2.0)
      System.Collections.NonGeneric (>= 4.0.1) - restriction: || (&& (== net46) (< net45) (>= netstandard1.5)) (== netstandard2.0) (== netcoreapp2.0)
      System.Diagnostics.Process (>= 4.1) - restriction: || (&& (== net46) (< net45) (>= netstandard1.5)) (== netstandard2.0) (== netcoreapp2.0)
      System.Dynamic.Runtime (>= 4.0.11) - restriction: || (&& (== net46) (< net45) (>= netstandard1.5)) (== netstandard2.0) (== netcoreapp2.0)
      System.Reflection.Emit.Lightweight (>= 4.0.1) - restriction: || (&& (== net46) (< net45) (>= netstandard1.5)) (== netstandard2.0) (== netcoreapp2.0)
    MongoDB.Driver (2.4.4)
      MongoDB.Bson (>= 2.4.4)
      MongoDB.Driver.Core (>= 2.4.4)
      NETStandard.Library (>= 1.6) - restriction: || (&& (== net46) (< net45) (>= netstandard1.5)) (== netstandard2.0) (== netcoreapp2.0)
      System.Linq.Queryable (>= 4.0.1) - restriction: || (&& (== net46) (< net45) (>= netstandard1.5)) (== netstandard2.0) (== netcoreapp2.0)
    MongoDB.Driver.Core (2.4.4)
      MongoDB.Bson (>= 2.4.4)
      NETStandard.Library (>= 1.6) - restriction: || (&& (== net46) (< net45) (>= netstandard1.5)) (== netstandard2.0) (== netcoreapp2.0)
      System.Collections.Specialized (>= 4.0.1) - restriction: || (&& (== net46) (< net45) (>= netstandard1.5)) (== netstandard2.0) (== netcoreapp2.0)
      System.Diagnostics.TraceSource (>= 4.0) - restriction: || (&& (== net46) (< net45) (>= netstandard1.5)) (== netstandard2.0) (== netcoreapp2.0)
      System.Net.NameResolution (>= 4.0) - restriction: || (&& (== net46) (< net45) (>= netstandard1.5)) (== netstandard2.0) (== netcoreapp2.0)
      System.Net.Security (>= 4.0) - restriction: || (&& (== net46) (< net45) (>= netstandard1.5)) (== netstandard2.0) (== netcoreapp2.0)
      System.Runtime.InteropServices.RuntimeInformation (>= 4.0) - restriction: || (== net46) (&& (== netstandard2.0) (>= net45)) (&& (== netcoreapp2.0) (>= net45))
      System.Security.SecureString (>= 4.0) - restriction: || (&& (== net46) (< net45) (>= netstandard1.5)) (== netstandard2.0) (== netcoreapp2.0)
    Mono.Cecil (0.10.0-beta6)
      System.Collections (>= 4.0.11) - restriction: || (&& (== net46) (< net35)) (== netstandard2.0) (== netcoreapp2.0)
      System.IO.FileSystem (>= 4.0.1) - restriction: || (&& (== net46) (< net35)) (== netstandard2.0) (== netcoreapp2.0)
      System.IO.FileSystem.Primitives (>= 4.0.1) - restriction: || (&& (== net46) (< net35)) (== netstandard2.0) (== netcoreapp2.0)
      System.Reflection (>= 4.1) - restriction: || (&& (== net46) (< net35)) (== netstandard2.0) (== netcoreapp2.0)
      System.Runtime.Extensions (>= 4.1) - restriction: || (&& (== net46) (< net35)) (== netstandard2.0) (== netcoreapp2.0)
      System.Security.Cryptography.Algorithms (>= 4.2) - restriction: || (&& (== net46) (< net35)) (== netstandard2.0) (== netcoreapp2.0)
      System.Security.Cryptography.Csp (>= 4.0) - restriction: || (&& (== net46) (< net35)) (== netstandard2.0) (== netcoreapp2.0)
      System.Threading (>= 4.0.11) - restriction: || (&& (== net46) (< net35)) (== netstandard2.0) (== netcoreapp2.0)
    NETStandard.Library (2.0)
      Microsoft.NETCore.Platforms (>= 1.1)
    Newtonsoft.Json (10.0.3)
      Microsoft.CSharp (>= 4.3) - restriction: || (&& (== net46) (< net20)) (== netstandard2.0) (== netcoreapp2.0)
      NETStandard.Library (>= 1.6.1) - restriction: || (&& (== net46) (< net20)) (== netstandard2.0) (== netcoreapp2.0)
      System.ComponentModel.TypeConverter (>= 4.3) - restriction: || (&& (== net46) (< net20)) (== netstandard2.0) (== netcoreapp2.0)
      System.Runtime.Serialization.Formatters (>= 4.3) - restriction: || (&& (== net46) (< net20)) (== netstandard2.0) (== netcoreapp2.0)
      System.Runtime.Serialization.Primitives (>= 4.3) - restriction: || (&& (== net46) (< net20)) (== netstandard2.0) (== netcoreapp2.0)
      System.Xml.XmlDocument (>= 4.3) - restriction: || (&& (== net46) (< net20)) (== netstandard2.0) (== netcoreapp2.0)
    Nito.AsyncEx.Context (1.1)
      Nito.AsyncEx.Tasks (>= 1.1)
      System.Collections.Concurrent (>= 4.0.12) - restriction: || (== netstandard2.0) (== netcoreapp2.0)
      System.Diagnostics.Debug (>= 4.0.11) - restriction: || (== netstandard2.0) (== netcoreapp2.0)
      System.Threading (>= 4.0.11) - restriction: || (== netstandard2.0) (== netcoreapp2.0)
    Nito.AsyncEx.Tasks (1.1)
      Nito.Disposables (>= 1.0)
      System.Threading.Tasks (>= 4.0.11) - restriction: || (== netstandard2.0) (== netcoreapp2.0)
    Nito.Disposables (1.2.3)
      NETStandard.Library (>= 1.6.1) - restriction: || (== net46) (&& (== netcoreapp2.0) (< netstandard2.0))
      System.Collections.Immutable (>= 1.4)
    runtime.debian.8-x64.runtime.native.System.Security.Cryptography.OpenSsl (4.3.1) - restriction: || (&& (== net46) (== netstandard2.0)) (&& (== net46) (== netcoreapp2.0)) (&& (== net46) (>= netstandard1.6)) (== netstandard2.0) (&& (== netstandard2.0) (== netcoreapp2.0)) (== netcoreapp2.0)
    runtime.fedora.23-x64.runtime.native.System.Security.Cryptography.OpenSsl (4.3.1) - restriction: || (&& (== net46) (== netstandard2.0)) (&& (== net46) (== netcoreapp2.0)) (&& (== net46) (>= netstandard1.6)) (== netstandard2.0) (&& (== netstandard2.0) (== netcoreapp2.0)) (== netcoreapp2.0)
    runtime.fedora.24-x64.runtime.native.System.Security.Cryptography.OpenSsl (4.3.1) - restriction: || (&& (== net46) (== netstandard2.0)) (&& (== net46) (== netcoreapp2.0)) (&& (== net46) (>= netstandard1.6)) (== netstandard2.0) (&& (== netstandard2.0) (== netcoreapp2.0)) (== netcoreapp2.0)
    runtime.native.System (4.3) - restriction: || (&& (== net46) (>= netstandard1.6)) (&& (== net46) (>= netcoreapp1.0)) (== netstandard2.0) (== netcoreapp2.0)
      Microsoft.NETCore.Platforms (>= 1.1)
      Microsoft.NETCore.Targets (>= 1.1)
    runtime.native.System.Net.Http (4.3) - restriction: || (&& (== net46) (== netstandard2.0)) (&& (== net46) (== netcoreapp2.0)) (&& (== net46) (>= netstandard1.6)) (== netstandard2.0) (&& (== netstandard2.0) (== netcoreapp2.0)) (== netcoreapp2.0)
      Microsoft.NETCore.Platforms (>= 1.1)
      Microsoft.NETCore.Targets (>= 1.1)
    runtime.native.System.Net.Security (4.3) - restriction: || (&& (== net46) (== netstandard2.0)) (&& (== net46) (== netcoreapp2.0)) (&& (== net46) (>= netstandard1.6)) (== netstandard2.0) (&& (== netstandard2.0) (== netcoreapp2.0)) (== netcoreapp2.0)
      Microsoft.NETCore.Platforms (>= 1.1)
      Microsoft.NETCore.Targets (>= 1.1)
    runtime.native.System.Security.Cryptography.Apple (4.3) - restriction: || (&& (== net46) (== netstandard2.0)) (&& (== net46) (== netcoreapp2.0)) (&& (== net46) (>= netstandard1.6)) (== netstandard2.0) (&& (== netstandard2.0) (== netcoreapp2.0)) (== netcoreapp2.0)
      runtime.osx.10.10-x64.runtime.native.System.Security.Cryptography.Apple (>= 4.3)
    runtime.native.System.Security.Cryptography.OpenSsl (4.3.1) - restriction: || (&& (== net46) (>= netstandard1.6)) (== netstandard2.0) (== netcoreapp2.0)
      runtime.debian.8-x64.runtime.native.System.Security.Cryptography.OpenSsl (>= 4.3.1)
      runtime.fedora.23-x64.runtime.native.System.Security.Cryptography.OpenSsl (>= 4.3.1)
      runtime.fedora.24-x64.runtime.native.System.Security.Cryptography.OpenSsl (>= 4.3.1)
      runtime.opensuse.13.2-x64.runtime.native.System.Security.Cryptography.OpenSsl (>= 4.3.1)
      runtime.opensuse.42.1-x64.runtime.native.System.Security.Cryptography.OpenSsl (>= 4.3.1)
      runtime.osx.10.10-x64.runtime.native.System.Security.Cryptography.OpenSsl (>= 4.3.1)
      runtime.rhel.7-x64.runtime.native.System.Security.Cryptography.OpenSsl (>= 4.3.1)
      runtime.ubuntu.14.04-x64.runtime.native.System.Security.Cryptography.OpenSsl (>= 4.3.1)
      runtime.ubuntu.16.04-x64.runtime.native.System.Security.Cryptography.OpenSsl (>= 4.3.1)
      runtime.ubuntu.16.10-x64.runtime.native.System.Security.Cryptography.OpenSsl (>= 4.3.1)
    runtime.opensuse.13.2-x64.runtime.native.System.Security.Cryptography.OpenSsl (4.3.1) - restriction: || (&& (== net46) (== netstandard2.0)) (&& (== net46) (== netcoreapp2.0)) (&& (== net46) (>= netstandard1.6)) (== netstandard2.0) (&& (== netstandard2.0) (== netcoreapp2.0)) (== netcoreapp2.0)
    runtime.opensuse.42.1-x64.runtime.native.System.Security.Cryptography.OpenSsl (4.3.1) - restriction: || (&& (== net46) (== netstandard2.0)) (&& (== net46) (== netcoreapp2.0)) (&& (== net46) (>= netstandard1.6)) (== netstandard2.0) (&& (== netstandard2.0) (== netcoreapp2.0)) (== netcoreapp2.0)
    runtime.osx.10.10-x64.runtime.native.System.Security.Cryptography.Apple (4.3) - restriction: || (&& (== net46) (== netstandard2.0)) (&& (== net46) (== netcoreapp2.0)) (&& (== net46) (>= netstandard1.6)) (== netstandard2.0) (&& (== netstandard2.0) (== netcoreapp2.0)) (== netcoreapp2.0)
    runtime.osx.10.10-x64.runtime.native.System.Security.Cryptography.OpenSsl (4.3.1) - restriction: || (&& (== net46) (== netstandard2.0)) (&& (== net46) (== netcoreapp2.0)) (&& (== net46) (>= netstandard1.6)) (== netstandard2.0) (&& (== netstandard2.0) (== netcoreapp2.0)) (== netcoreapp2.0)
    runtime.rhel.7-x64.runtime.native.System.Security.Cryptography.OpenSsl (4.3.1) - restriction: || (&& (== net46) (== netstandard2.0)) (&& (== net46) (== netcoreapp2.0)) (&& (== net46) (>= netstandard1.6)) (== netstandard2.0) (&& (== netstandard2.0) (== netcoreapp2.0)) (== netcoreapp2.0)
    runtime.ubuntu.14.04-x64.runtime.native.System.Security.Cryptography.OpenSsl (4.3.1) - restriction: || (&& (== net46) (== netstandard2.0)) (&& (== net46) (== netcoreapp2.0)) (&& (== net46) (>= netstandard1.6)) (== netstandard2.0) (&& (== netstandard2.0) (== netcoreapp2.0)) (== netcoreapp2.0)
    runtime.ubuntu.16.04-x64.runtime.native.System.Security.Cryptography.OpenSsl (4.3.1) - restriction: || (&& (== net46) (== netstandard2.0)) (&& (== net46) (== netcoreapp2.0)) (&& (== net46) (>= netstandard1.6)) (== netstandard2.0) (&& (== netstandard2.0) (== netcoreapp2.0)) (== netcoreapp2.0)
    runtime.ubuntu.16.10-x64.runtime.native.System.Security.Cryptography.OpenSsl (4.3.1) - restriction: || (&& (== net46) (== netstandard2.0)) (&& (== net46) (== netcoreapp2.0)) (&& (== net46) (>= netstandard1.6)) (== netstandard2.0) (&& (== netstandard2.0) (== netcoreapp2.0)) (== netcoreapp2.0)
    ServiceStack.Text.Core (1.0.44) - restriction: || (&& (== net46) (== netstandard2.0)) (&& (== net46) (== netcoreapp2.0)) (&& (== net46) (>= net461)) (&& (== net46) (>= netstandard1.6)) (== netstandard2.0) (&& (== netstandard2.0) (== netcoreapp2.0)) (== netcoreapp2.0)
      Microsoft.CSharp (>= 4.3)
      Microsoft.Extensions.Primitives (>= 1.1.1)
      System.Collections (>= 4.3)
      System.Collections.Specialized (>= 4.3)
      System.Dynamic.Runtime (>= 4.3)
      System.Linq.Expressions (>= 4.3)
      System.Net.Requests (>= 4.3)
      System.Reflection.Emit (>= 4.3)
      System.Reflection.Emit.Lightweight (>= 4.3)
      System.Reflection.Extensions (>= 4.3)
      System.Runtime.Serialization.Primitives (>= 4.3)
      System.Runtime.Serialization.Xml (>= 4.3)
    Suave (2.2.1)
      FSharp.Core (>= 4.0.0.1) - restriction: || (== net46) (&& (== netstandard2.0) (< netstandard1.6)) (&& (== netcoreapp2.0) (< netstandard1.6))
      FSharp.Core (>= 4.1.17) - restriction: || (&& (== net46) (>= netstandard1.6)) (== netstandard2.0) (== netcoreapp2.0)
      NETStandard.Library (>= 1.6.1) - restriction: || (&& (== net46) (>= netstandard1.6)) (== netstandard2.0) (== netcoreapp2.0)
      System.Data.Common (>= 4.1) - restriction: || (&& (== net46) (>= netstandard1.6)) (== netstandard2.0) (== netcoreapp2.0)
      System.Diagnostics.Process (>= 4.1) - restriction: || (&& (== net46) (>= netstandard1.6)) (== netstandard2.0) (== netcoreapp2.0)
      System.Globalization.Extensions (>= 4.3) - restriction: || (&& (== net46) (>= netstandard1.6)) (== netstandard2.0) (== netcoreapp2.0)
      System.Net.Security (>= 4.0) - restriction: || (&& (== net46) (>= netstandard1.6)) (== netstandard2.0) (== netcoreapp2.0)
      System.Runtime.Serialization.Json (>= 4.0.2) - restriction: || (&& (== net46) (>= netstandard1.6)) (== netstandard2.0) (== netcoreapp2.0)
      System.Security.Claims (>= 4.0.1) - restriction: || (&& (== net46) (>= netstandard1.6)) (== netstandard2.0) (== netcoreapp2.0)
      System.Security.Cryptography.Primitives (>= 4.3) - restriction: || (&& (== net46) (>= netstandard1.6)) (== netstandard2.0) (== netcoreapp2.0)
    System.AppContext (4.3) - restriction: || (&& (== net46) (== netstandard2.0) (>= netcoreapp1.0)) (&& (== net46) (== netcoreapp2.0)) (&& (== net46) (>= netcoreapp1.0)) (&& (== netstandard2.0) (== netcoreapp2.0)) (&& (== netstandard2.0) (>= netcoreapp1.0)) (== netcoreapp2.0)
      System.Runtime (>= 4.3) - restriction: || (&& (== net46) (>= dnxcore50)) (&& (== net46) (>= netstandard1.6)) (== netstandard2.0) (== netcoreapp2.0)
    System.Collections (4.3) - restriction: || (&& (== net46) (< net20)) (&& (== net46) (< net45)) (&& (== net46) (>= dnxcore50)) (&& (== net46) (>= netstandard1.6)) (&& (== net46) (>= netcoreapp1.0)) (== netstandard2.0) (== netcoreapp2.0)
      Microsoft.NETCore.Platforms (>= 1.1) - restriction: || (&& (== net46) (< net45)) (&& (== net46) (>= dnxcore50)) (== netstandard2.0) (== netcoreapp2.0)
      Microsoft.NETCore.Targets (>= 1.1) - restriction: || (&& (== net46) (< net45)) (&& (== net46) (>= dnxcore50)) (== netstandard2.0) (== netcoreapp2.0)
      System.Runtime (>= 4.3) - restriction: || (&& (== net46) (< net45)) (&& (== net46) (>= dnxcore50)) (== netstandard2.0) (== netcoreapp2.0)
    System.Collections.Concurrent (4.3) - restriction: || (&& (== net46) (>= netstandard1.6)) (== netstandard2.0) (== netcoreapp2.0)
      System.Collections (>= 4.3) - restriction: || (&& (== net46) (< net45)) (&& (== net46) (>= dnxcore50)) (== netstandard2.0) (== netcoreapp2.0)
      System.Diagnostics.Debug (>= 4.3) - restriction: || (&& (== net46) (< net45)) (&& (== net46) (>= dnxcore50)) (== netstandard2.0) (== netcoreapp2.0)
      System.Diagnostics.Tracing (>= 4.3) - restriction: || (&& (== net46) (< net45)) (&& (== net46) (>= dnxcore50)) (== netstandard2.0) (== netcoreapp2.0)
      System.Globalization (>= 4.3) - restriction: || (&& (== net46) (< net45)) (&& (== net46) (>= dnxcore50)) (== netstandard2.0) (== netcoreapp2.0)
      System.Reflection (>= 4.3) - restriction: || (&& (== net46) (< net45)) (== netstandard2.0) (== netcoreapp2.0)
      System.Resources.ResourceManager (>= 4.3) - restriction: || (&& (== net46) (< net45)) (&& (== net46) (>= dnxcore50)) (== netstandard2.0) (== netcoreapp2.0)
      System.Runtime (>= 4.3) - restriction: || (&& (== net46) (< net45)) (&& (== net46) (>= dnxcore50)) (== netstandard2.0) (== netcoreapp2.0)
      System.Runtime.Extensions (>= 4.3) - restriction: || (&& (== net46) (< net45)) (&& (== net46) (>= dnxcore50)) (== netstandard2.0) (== netcoreapp2.0)
      System.Threading (>= 4.3) - restriction: || (&& (== net46) (< net45)) (&& (== net46) (>= dnxcore50)) (== netstandard2.0) (== netcoreapp2.0)
      System.Threading.Tasks (>= 4.3) - restriction: || (&& (== net46) (< net45)) (&& (== net46) (>= dnxcore50)) (== netstandard2.0) (== netcoreapp2.0)
    System.Collections.Immutable (1.4)
      NETStandard.Library (>= 1.6.1) - restriction: || (== net46) (&& (== netcoreapp2.0) (< netstandard2.0))
    System.Collections.NonGeneric (4.3) - restriction: || (&& (== net46) (< net20) (>= net462)) (&& (== net46) (< net20) (>= netstandard1.5)) (&& (== net46) (< net45) (>= netstandard1.5)) (&& (== net46) (>= netcoreapp1.0)) (== netstandard2.0) (== netcoreapp2.0)
      System.Diagnostics.Debug (>= 4.3) - restriction: || (== netstandard2.0) (== netcoreapp2.0)
      System.Globalization (>= 4.3) - restriction: || (== netstandard2.0) (== netcoreapp2.0)
      System.Resources.ResourceManager (>= 4.3) - restriction: || (== netstandard2.0) (== netcoreapp2.0)
      System.Runtime (>= 4.3) - restriction: || (== netstandard2.0) (== netcoreapp2.0)
      System.Runtime.Extensions (>= 4.3) - restriction: || (== netstandard2.0) (== netcoreapp2.0)
      System.Threading (>= 4.3) - restriction: || (== netstandard2.0) (== netcoreapp2.0)
    System.Collections.Specialized (4.3) - restriction: || (&& (== net46) (< net20) (>= netstandard1.5)) (&& (== net46) (< net45) (>= netstandard1.5)) (&& (== net46) (>= net461)) (&& (== net46) (>= netstandard1.6)) (&& (== net46) (>= netcoreapp1.0)) (== netstandard2.0) (== netcoreapp2.0)
      System.Collections.NonGeneric (>= 4.3) - restriction: || (== netstandard2.0) (== netcoreapp2.0)
      System.Globalization (>= 4.3) - restriction: || (== netstandard2.0) (== netcoreapp2.0)
      System.Globalization.Extensions (>= 4.3) - restriction: || (== netstandard2.0) (== netcoreapp2.0)
      System.Resources.ResourceManager (>= 4.3) - restriction: || (== netstandard2.0) (== netcoreapp2.0)
      System.Runtime (>= 4.3) - restriction: || (== netstandard2.0) (== netcoreapp2.0)
      System.Runtime.Extensions (>= 4.3) - restriction: || (== netstandard2.0) (== netcoreapp2.0)
      System.Threading (>= 4.3) - restriction: || (== netstandard2.0) (== netcoreapp2.0)
    System.ComponentModel (4.3) - restriction: || (&& (== net46) (< net20)) (&& (== net46) (< net45)) (&& (== net46) (>= netcoreapp1.0)) (== netstandard2.0) (== netcoreapp2.0)
      System.Runtime (>= 4.3) - restriction: || (&& (== net46) (< net45)) (&& (== net46) (>= dnxcore50)) (== netstandard2.0) (== netcoreapp2.0)
    System.ComponentModel.EventBasedAsync (4.3) - restriction: || (&& (== net46) (== netstandard2.0) (>= netcoreapp1.0)) (&& (== net46) (== netcoreapp2.0)) (&& (== net46) (>= netcoreapp1.0)) (&& (== netstandard2.0) (== netcoreapp2.0)) (&& (== netstandard2.0) (>= netcoreapp1.0)) (== netcoreapp2.0)
      System.Resources.ResourceManager (>= 4.3) - restriction: || (&& (== net46) (< net45)) (&& (== net46) (>= dnxcore50)) (== netstandard2.0) (== netcoreapp2.0)
      System.Runtime (>= 4.3) - restriction: || (&& (== net46) (< net45)) (&& (== net46) (>= dnxcore50)) (== netstandard2.0) (== netcoreapp2.0)
      System.Threading (>= 4.3) - restriction: || (&& (== net46) (< net45)) (&& (== net46) (>= dnxcore50)) (== netstandard2.0) (== netcoreapp2.0)
      System.Threading.Tasks (>= 4.3) - restriction: || (&& (== net46) (< net45)) (&& (== net46) (>= dnxcore50)) (== netstandard2.0) (== netcoreapp2.0)
    System.ComponentModel.Primitives (4.3) - restriction: || (&& (== net46) (< net20)) (&& (== net46) (< netstandard1.0) (>= win8)) (&& (== net46) (>= netcoreapp1.0)) (&& (== net46) (>= wp8)) (&& (== net46) (>= wpa81)) (== netstandard2.0) (== netcoreapp2.0)
      System.ComponentModel (>= 4.3) - restriction: || (&& (== net46) (< net45)) (== netstandard2.0) (== netcoreapp2.0)
      System.Resources.ResourceManager (>= 4.3) - restriction: || (&& (== net46) (< net45)) (== netstandard2.0) (== netcoreapp2.0)
      System.Runtime (>= 4.3) - restriction: || (&& (== net46) (< net45)) (== netstandard2.0) (== netcoreapp2.0)
    System.ComponentModel.TypeConverter (4.3) - restriction: || (&& (== net46) (< net20)) (&& (== net46) (>= netcoreapp1.0)) (== netstandard2.0) (== netcoreapp2.0)
      System.Collections (>= 4.3) - restriction: || (&& (== net46) (< net45)) (== netstandard2.0) (== netcoreapp2.0)
      System.Collections.NonGeneric (>= 4.3) - restriction: || (&& (== net46) (< net45) (>= netstandard1.5)) (&& (== net46) (>= net462)) (== netstandard2.0) (== netcoreapp2.0)
      System.Collections.Specialized (>= 4.3) - restriction: || (&& (== net46) (< net45) (>= netstandard1.5)) (== netstandard2.0) (== netcoreapp2.0)
      System.ComponentModel (>= 4.3) - restriction: || (&& (== net46) (< net45)) (== netstandard2.0) (== netcoreapp2.0)
      System.ComponentModel.Primitives (>= 4.3)
      System.Globalization (>= 4.3) - restriction: || (&& (== net46) (< net45)) (== netstandard2.0) (== netcoreapp2.0)
      System.Linq (>= 4.3) - restriction: || (&& (== net46) (< net45) (>= netstandard1.5)) (== netstandard2.0) (== netcoreapp2.0)
      System.Reflection (>= 4.3) - restriction: || (&& (== net46) (< net45)) (== netstandard2.0) (== netcoreapp2.0)
      System.Reflection.Extensions (>= 4.3) - restriction: || (&& (== net46) (< net45)) (== netstandard2.0) (== netcoreapp2.0)
      System.Reflection.Primitives (>= 4.3) - restriction: || (&& (== net46) (< net45)) (== netstandard2.0) (== netcoreapp2.0)
      System.Reflection.TypeExtensions (>= 4.3) - restriction: || (&& (== net46) (< net45) (>= netstandard1.5)) (== netstandard2.0) (== netcoreapp2.0)
      System.Resources.ResourceManager (>= 4.3) - restriction: || (&& (== net46) (< net45)) (== netstandard2.0) (== netcoreapp2.0)
      System.Runtime (>= 4.3) - restriction: || (&& (== net46) (< net45)) (== netstandard2.0) (== netcoreapp2.0)
      System.Runtime.Extensions (>= 4.3) - restriction: || (&& (== net46) (< net45)) (== netstandard2.0) (== netcoreapp2.0)
      System.Threading (>= 4.3) - restriction: || (&& (== net46) (< net45)) (== netstandard2.0) (== netcoreapp2.0)
    System.Console (4.3) - restriction: || (&& (== net46) (== netstandard2.0)) (&& (== net46) (== netcoreapp2.0)) (&& (== net46) (>= netstandard1.6)) (== netstandard2.0) (&& (== netstandard2.0) (== netcoreapp2.0)) (== netcoreapp2.0)
      Microsoft.NETCore.Platforms (>= 1.1) - restriction: || (== netstandard2.0) (== netcoreapp2.0)
      Microsoft.NETCore.Targets (>= 1.1) - restriction: || (== netstandard2.0) (== netcoreapp2.0)
      System.IO (>= 4.3) - restriction: || (== netstandard2.0) (== netcoreapp2.0)
      System.Runtime (>= 4.3) - restriction: || (== netstandard2.0) (== netcoreapp2.0)
      System.Text.Encoding (>= 4.3) - restriction: || (== netstandard2.0) (== netcoreapp2.0)
    System.Data.Common (4.3) - restriction: || (&& (== net46) (== netstandard2.0)) (&& (== net46) (== netcoreapp2.0)) (&& (== net46) (>= netstandard1.6)) (== netstandard2.0) (&& (== netstandard2.0) (== netcoreapp2.0)) (== netcoreapp2.0)
      System.Collections (>= 4.3) - restriction: || (&& (== net46) (< net451)) (== netstandard2.0) (== netcoreapp2.0)
      System.Globalization (>= 4.3) - restriction: || (&& (== net46) (< net451)) (== netstandard2.0) (== netcoreapp2.0)
      System.IO (>= 4.3) - restriction: || (&& (== net46) (< net451)) (== netstandard2.0) (== netcoreapp2.0)
      System.Resources.ResourceManager (>= 4.3) - restriction: || (&& (== net46) (< net451)) (== netstandard2.0) (== netcoreapp2.0)
      System.Runtime (>= 4.3) - restriction: || (&& (== net46) (< net451)) (== netstandard2.0) (== netcoreapp2.0)
      System.Runtime.Extensions (>= 4.3) - restriction: || (&& (== net46) (< net451)) (== netstandard2.0) (== netcoreapp2.0)
      System.Text.RegularExpressions (>= 4.3) - restriction: || (&& (== net46) (< net451)) (== netstandard2.0) (== netcoreapp2.0)
      System.Threading.Tasks (>= 4.3) - restriction: || (&& (== net46) (< net451)) (== netstandard2.0) (== netcoreapp2.0)
    System.Diagnostics.Debug (4.3) - restriction: || (&& (== net46) (< net20)) (&& (== net46) (< net45)) (&& (== net46) (>= dnxcore50)) (&& (== net46) (>= netstandard1.6)) (&& (== net46) (>= netcoreapp1.0)) (== netstandard2.0) (== netcoreapp2.0)
      Microsoft.NETCore.Platforms (>= 1.1) - restriction: || (&& (== net46) (< net45)) (&& (== net46) (>= dnxcore50)) (== netstandard2.0) (== netcoreapp2.0)
      Microsoft.NETCore.Targets (>= 1.1) - restriction: || (&& (== net46) (< net45)) (&& (== net46) (>= dnxcore50)) (== netstandard2.0) (== netcoreapp2.0)
      System.Runtime (>= 4.3) - restriction: || (&& (== net46) (< net45)) (&& (== net46) (>= dnxcore50)) (== netstandard2.0) (== netcoreapp2.0)
    System.Diagnostics.DiagnosticSource (4.4.1) - restriction: || (&& (== net46) (== netstandard2.0)) (&& (== net46) (== netcoreapp2.0)) (&& (== net46) (< net45)) (&& (== net46) (>= dnxcore50)) (&& (== net46) (>= netstandard1.6)) (== netstandard2.0) (&& (== netstandard2.0) (== netcoreapp2.0)) (== netcoreapp2.0)
      System.Collections (>= 4.3) - restriction: || (&& (== net46) (< net45)) (== netstandard2.0) (&& (== netcoreapp2.0) (< netstandard1.3))
      System.Diagnostics.Debug (>= 4.3) - restriction: || (&& (== net46) (< net45)) (== netstandard2.0)
      System.Diagnostics.Tracing (>= 4.3) - restriction: || (&& (== net46) (< net45)) (== netstandard2.0) (&& (== netcoreapp2.0) (< netstandard1.3))
      System.Reflection (>= 4.3) - restriction: || (&& (== net46) (< net45)) (== netstandard2.0) (&& (== netcoreapp2.0) (< netstandard1.3))
      System.Runtime (>= 4.3) - restriction: || (&& (== net46) (< net45)) (== netstandard2.0) (&& (== netcoreapp2.0) (< netstandard1.3))
      System.Runtime.Extensions (>= 4.3) - restriction: || (&& (== net46) (< net45)) (== netstandard2.0)
      System.Threading (>= 4.3) - restriction: || (&& (== net46) (< net45)) (== netstandard2.0) (&& (== netcoreapp2.0) (< netstandard1.3))
    System.Diagnostics.FileVersionInfo (4.3) - restriction: || (&& (== net46) (== netstandard2.0)) (&& (== net46) (== netcoreapp2.0)) (&& (== net46) (>= netstandard1.6)) (== netstandard2.0) (&& (== netstandard2.0) (== netcoreapp2.0)) (== netcoreapp2.0)
      Microsoft.NETCore.Platforms (>= 1.1) - restriction: || (&& (== net46) (>= dnxcore50)) (== netstandard2.0) (== netcoreapp2.0)
      System.Globalization (>= 4.3) - restriction: || (== netstandard2.0) (== netcoreapp2.0)
      System.IO (>= 4.3) - restriction: || (&& (== net46) (>= dnxcore50)) (== netstandard2.0) (== netcoreapp2.0)
      System.IO.FileSystem (>= 4.3) - restriction: || (&& (== net46) (>= dnxcore50)) (== netstandard2.0) (== netcoreapp2.0)
      System.IO.FileSystem.Primitives (>= 4.3) - restriction: || (&& (== net46) (>= dnxcore50)) (== netstandard2.0) (== netcoreapp2.0)
      System.Reflection.Metadata (>= 1.4.1) - restriction: || (&& (== net46) (>= dnxcore50)) (== netstandard2.0) (== netcoreapp2.0)
      System.Runtime (>= 4.3) - restriction: || (&& (== net46) (>= dnxcore50)) (== netstandard2.0) (== netcoreapp2.0)
      System.Runtime.Extensions (>= 4.3) - restriction: || (&& (== net46) (>= dnxcore50)) (== netstandard2.0) (== netcoreapp2.0)
      System.Runtime.InteropServices (>= 4.3) - restriction: || (== netstandard2.0) (== netcoreapp2.0)
    System.Diagnostics.Process (4.3) - restriction: || (&& (== net46) (>= netstandard1.6)) (&& (== net46) (>= netcoreapp1.0)) (== netstandard2.0) (== netcoreapp2.0)
      Microsoft.NETCore.Platforms (>= 1.1) - restriction: || (== netstandard2.0) (== netcoreapp2.0)
      Microsoft.Win32.Primitives (>= 4.3) - restriction: || (== netstandard2.0) (== netcoreapp2.0)
      Microsoft.Win32.Registry (>= 4.3) - restriction: || (== netstandard2.0) (== netcoreapp2.0)
      runtime.native.System (>= 4.3) - restriction: || (== netstandard2.0) (== netcoreapp2.0)
      System.Collections (>= 4.3) - restriction: || (== netstandard2.0) (== netcoreapp2.0)
      System.Diagnostics.Debug (>= 4.3) - restriction: || (== netstandard2.0) (== netcoreapp2.0)
      System.Globalization (>= 4.3) - restriction: || (== netstandard2.0) (== netcoreapp2.0)
      System.IO (>= 4.3) - restriction: || (== netstandard2.0) (== netcoreapp2.0)
      System.IO.FileSystem (>= 4.3) - restriction: || (== netstandard2.0) (== netcoreapp2.0)
      System.IO.FileSystem.Primitives (>= 4.3) - restriction: || (== netstandard2.0) (== netcoreapp2.0)
      System.Resources.ResourceManager (>= 4.3) - restriction: || (== netstandard2.0) (== netcoreapp2.0)
      System.Runtime (>= 4.3) - restriction: || (== netstandard2.0) (== netcoreapp2.0)
      System.Runtime.Extensions (>= 4.3) - restriction: || (== netstandard2.0) (== netcoreapp2.0)
      System.Runtime.Handles (>= 4.3) - restriction: || (== netstandard2.0) (== netcoreapp2.0)
      System.Runtime.InteropServices (>= 4.3) - restriction: || (== netstandard2.0) (== netcoreapp2.0)
      System.Text.Encoding (>= 4.3) - restriction: || (== netstandard2.0) (== netcoreapp2.0)
      System.Text.Encoding.Extensions (>= 4.3) - restriction: || (== netstandard2.0) (== netcoreapp2.0)
      System.Threading (>= 4.3) - restriction: || (== netstandard2.0) (== netcoreapp2.0)
      System.Threading.Tasks (>= 4.3) - restriction: || (== netstandard2.0) (== netcoreapp2.0)
      System.Threading.Thread (>= 4.3) - restriction: || (== netstandard2.0) (== netcoreapp2.0)
      System.Threading.ThreadPool (>= 4.3) - restriction: || (== netstandard2.0) (== netcoreapp2.0)
    System.Diagnostics.TextWriterTraceListener (4.3) - restriction: || (&& (== net46) (== netstandard2.0) (>= netcoreapp1.0)) (&& (== net46) (== netcoreapp2.0)) (&& (== net46) (>= netcoreapp1.0)) (&& (== netstandard2.0) (== netcoreapp2.0)) (&& (== netstandard2.0) (>= netcoreapp1.0)) (== netcoreapp2.0)
      System.Diagnostics.TraceSource (>= 4.3)
      System.Globalization (>= 4.3) - restriction: || (== netstandard2.0) (== netcoreapp2.0)
      System.IO (>= 4.3) - restriction: || (== netstandard2.0) (== netcoreapp2.0)
      System.Resources.ResourceManager (>= 4.3) - restriction: || (== netstandard2.0) (== netcoreapp2.0)
      System.Runtime (>= 4.3) - restriction: || (== netstandard2.0) (== netcoreapp2.0)
      System.Threading (>= 4.3) - restriction: || (== netstandard2.0) (== netcoreapp2.0)
    System.Diagnostics.Tools (4.3) - restriction: || (&& (== net46) (>= netstandard1.6)) (== netstandard2.0) (== netcoreapp2.0)
      Microsoft.NETCore.Platforms (>= 1.1) - restriction: || (&& (== net46) (< net45)) (&& (== net46) (>= dnxcore50)) (== netstandard2.0) (== netcoreapp2.0)
      Microsoft.NETCore.Targets (>= 1.1) - restriction: || (&& (== net46) (< net45)) (&& (== net46) (>= dnxcore50)) (== netstandard2.0) (== netcoreapp2.0)
      System.Runtime (>= 4.3) - restriction: || (&& (== net46) (< net45)) (&& (== net46) (>= dnxcore50)) (== netstandard2.0) (== netcoreapp2.0)
    System.Diagnostics.TraceSource (4.3) - restriction: || (&& (== net46) (>= netstandard1.6)) (&& (== net46) (>= netcoreapp1.0)) (== netstandard2.0) (== netcoreapp2.0)
      Microsoft.NETCore.Platforms (>= 1.1) - restriction: || (== netstandard2.0) (== netcoreapp2.0)
      runtime.native.System (>= 4.3) - restriction: || (== netstandard2.0) (== netcoreapp2.0)
      System.Collections (>= 4.3) - restriction: || (== netstandard2.0) (== netcoreapp2.0)
      System.Diagnostics.Debug (>= 4.3) - restriction: || (== netstandard2.0) (== netcoreapp2.0)
      System.Globalization (>= 4.3) - restriction: || (== netstandard2.0) (== netcoreapp2.0)
      System.Resources.ResourceManager (>= 4.3) - restriction: || (== netstandard2.0) (== netcoreapp2.0)
      System.Runtime (>= 4.3) - restriction: || (== netstandard2.0) (== netcoreapp2.0)
      System.Runtime.Extensions (>= 4.3) - restriction: || (== netstandard2.0) (== netcoreapp2.0)
      System.Threading (>= 4.3) - restriction: || (== netstandard2.0) (== netcoreapp2.0)
    System.Diagnostics.Tracing (4.3) - restriction: || (&& (== net46) (< net45)) (&& (== net46) (>= dnxcore50)) (&& (== net46) (>= netstandard1.6)) (== netstandard2.0) (== netcoreapp2.0)
      Microsoft.NETCore.Platforms (>= 1.1) - restriction: || (&& (== net46) (< net45)) (&& (== net46) (>= dnxcore50)) (== netstandard2.0) (== netcoreapp2.0)
      Microsoft.NETCore.Targets (>= 1.1) - restriction: || (&& (== net46) (< net45)) (&& (== net46) (>= dnxcore50)) (== netstandard2.0) (== netcoreapp2.0)
      System.Runtime (>= 4.3) - restriction: || (&& (== net46) (< net45)) (&& (== net46) (>= dnxcore50)) (== netstandard2.0) (== netcoreapp2.0)
    System.Dynamic.Runtime (4.3) - restriction: || (&& (== net46) (< net45) (>= netstandard1.5)) (&& (== net46) (>= net461)) (&& (== net46) (>= netstandard1.6)) (&& (== net46) (>= netcoreapp1.0)) (== netstandard2.0) (== netcoreapp2.0)
      System.Collections (>= 4.3) - restriction: || (&& (== net46) (< net45)) (&& (== net46) (>= dnxcore50)) (== netstandard2.0) (== netcoreapp2.0)
      System.Diagnostics.Debug (>= 4.3) - restriction: || (&& (== net46) (< net45)) (&& (== net46) (>= dnxcore50)) (== netstandard2.0) (== netcoreapp2.0)
      System.Linq (>= 4.3) - restriction: || (&& (== net46) (< net45)) (&& (== net46) (>= dnxcore50)) (== netstandard2.0) (== netcoreapp2.0)
      System.Linq.Expressions (>= 4.3) - restriction: || (&& (== net46) (< net45)) (&& (== net46) (>= dnxcore50)) (== netstandard2.0) (== netcoreapp2.0)
      System.ObjectModel (>= 4.3) - restriction: || (&& (== net46) (< net45)) (&& (== net46) (>= dnxcore50)) (== netstandard2.0) (== netcoreapp2.0)
      System.Reflection (>= 4.3) - restriction: || (&& (== net46) (< net45)) (&& (== net46) (>= dnxcore50)) (== netstandard2.0) (== netcoreapp2.0)
      System.Reflection.Emit (>= 4.3) - restriction: || (&& (== net46) (< net45)) (== netstandard2.0) (== netcoreapp2.0)
      System.Reflection.Emit.ILGeneration (>= 4.3) - restriction: || (&& (== net46) (< net45)) (== netstandard2.0) (== netcoreapp2.0)
      System.Reflection.Primitives (>= 4.3) - restriction: || (&& (== net46) (< net45)) (== netstandard2.0) (== netcoreapp2.0)
      System.Reflection.TypeExtensions (>= 4.3) - restriction: || (&& (== net46) (< net45)) (&& (== net46) (>= dnxcore50)) (== netstandard2.0) (== netcoreapp2.0)
      System.Resources.ResourceManager (>= 4.3) - restriction: || (&& (== net46) (< net45)) (&& (== net46) (>= dnxcore50)) (== netstandard2.0) (== netcoreapp2.0)
      System.Runtime (>= 4.3) - restriction: || (&& (== net46) (< net45)) (&& (== net46) (>= dnxcore50)) (== netstandard2.0) (== netcoreapp2.0)
      System.Runtime.Extensions (>= 4.3) - restriction: || (&& (== net46) (< net45)) (&& (== net46) (>= dnxcore50)) (== netstandard2.0) (== netcoreapp2.0)
      System.Threading (>= 4.3) - restriction: || (&& (== net46) (< net45)) (&& (== net46) (>= dnxcore50)) (== netstandard2.0) (== netcoreapp2.0)
    System.Globalization (4.3) - restriction: || (&& (== net46) (< net20)) (&& (== net46) (< net45)) (&& (== net46) (>= dnxcore50)) (&& (== net46) (>= netstandard1.6)) (&& (== net46) (>= netcoreapp1.0)) (== netstandard2.0) (== netcoreapp2.0)
      Microsoft.NETCore.Platforms (>= 1.1) - restriction: || (&& (== net46) (< net45)) (&& (== net46) (>= dnxcore50)) (== netstandard2.0) (== netcoreapp2.0)
      Microsoft.NETCore.Targets (>= 1.1) - restriction: || (&& (== net46) (< net45)) (&& (== net46) (>= dnxcore50)) (== netstandard2.0) (== netcoreapp2.0)
      System.Runtime (>= 4.3) - restriction: || (&& (== net46) (< net45)) (&& (== net46) (>= dnxcore50)) (== netstandard2.0) (== netcoreapp2.0)
    System.Globalization.Calendars (4.3) - restriction: || (&& (== net46) (== netstandard2.0)) (&& (== net46) (== netcoreapp2.0)) (&& (== net46) (>= dnxcore50)) (&& (== net46) (>= netstandard1.6)) (== netstandard2.0) (&& (== netstandard2.0) (== netcoreapp2.0)) (== netcoreapp2.0)
      Microsoft.NETCore.Platforms (>= 1.1) - restriction: || (== netstandard2.0) (== netcoreapp2.0)
      Microsoft.NETCore.Targets (>= 1.1) - restriction: || (== netstandard2.0) (== netcoreapp2.0)
      System.Globalization (>= 4.3) - restriction: || (== netstandard2.0) (== netcoreapp2.0)
      System.Runtime (>= 4.3) - restriction: || (== netstandard2.0) (== netcoreapp2.0)
    System.Globalization.Extensions (4.3) - restriction: || (&& (== net46) (>= netstandard1.6)) (== netstandard2.0) (== netcoreapp2.0)
      Microsoft.NETCore.Platforms (>= 1.1) - restriction: || (== netstandard2.0) (== netcoreapp2.0)
      System.Globalization (>= 4.3) - restriction: || (== netstandard2.0) (== netcoreapp2.0)
      System.Resources.ResourceManager (>= 4.3) - restriction: || (== netstandard2.0) (== netcoreapp2.0)
      System.Runtime (>= 4.3) - restriction: || (== netstandard2.0) (== netcoreapp2.0)
      System.Runtime.Extensions (>= 4.3) - restriction: || (== netstandard2.0) (== netcoreapp2.0)
      System.Runtime.InteropServices (>= 4.3) - restriction: || (== netstandard2.0) (== netcoreapp2.0)
    System.IO (4.3) - restriction: || (&& (== net46) (< net20)) (&& (== net46) (< net45)) (&& (== net46) (>= dnxcore50)) (&& (== net46) (>= netstandard1.6)) (&& (== net46) (>= netcoreapp1.0)) (== netstandard2.0) (== netcoreapp2.0)
      Microsoft.NETCore.Platforms (>= 1.1) - restriction: || (&& (== net46) (< net45)) (&& (== net46) (>= dnxcore50)) (== netstandard2.0) (== netcoreapp2.0)
      Microsoft.NETCore.Targets (>= 1.1) - restriction: || (&& (== net46) (< net45)) (&& (== net46) (>= dnxcore50)) (== netstandard2.0) (== netcoreapp2.0)
      System.Runtime (>= 4.3) - restriction: || (&& (== net46) (< net45)) (&& (== net46) (>= dnxcore50)) (== netstandard2.0) (== netcoreapp2.0)
      System.Text.Encoding (>= 4.3) - restriction: || (&& (== net46) (< net45)) (&& (== net46) (>= dnxcore50)) (== netstandard2.0) (== netcoreapp2.0)
      System.Threading.Tasks (>= 4.3) - restriction: || (&& (== net46) (< net45)) (&& (== net46) (>= dnxcore50)) (== netstandard2.0) (== netcoreapp2.0)
    System.IO.FileSystem (4.3) - restriction: || (&& (== net46) (< net35)) (&& (== net46) (>= netstandard1.6)) (&& (== net46) (>= netcoreapp1.0)) (== netstandard2.0) (== netcoreapp2.0)
      Microsoft.NETCore.Platforms (>= 1.1) - restriction: || (== netstandard2.0) (== netcoreapp2.0)
      Microsoft.NETCore.Targets (>= 1.1) - restriction: || (== netstandard2.0) (== netcoreapp2.0)
      System.IO (>= 4.3) - restriction: || (== netstandard2.0) (== netcoreapp2.0)
      System.IO.FileSystem.Primitives (>= 4.3)
      System.Runtime (>= 4.3) - restriction: || (== netstandard2.0) (== netcoreapp2.0)
      System.Runtime.Handles (>= 4.3) - restriction: || (== netstandard2.0) (== netcoreapp2.0)
      System.Text.Encoding (>= 4.3) - restriction: || (== netstandard2.0) (== netcoreapp2.0)
      System.Threading.Tasks (>= 4.3) - restriction: || (== netstandard2.0) (== netcoreapp2.0)
    System.IO.FileSystem.Primitives (4.3) - restriction: || (&& (== net46) (< net35)) (&& (== net46) (>= netstandard1.6)) (== netstandard2.0) (== netcoreapp2.0)
      System.Runtime (>= 4.3) - restriction: || (== netstandard2.0) (== netcoreapp2.0)
    System.Linq (4.3) - restriction: || (&& (== net46) (< net20) (>= netstandard1.5)) (&& (== net46) (>= netstandard1.6)) (&& (== net46) (>= netcoreapp1.0)) (== netstandard2.0) (== netcoreapp2.0)
      System.Collections (>= 4.3) - restriction: || (&& (== net46) (< net45)) (&& (== net46) (>= dnxcore50)) (&& (== net46) (>= netstandard1.6)) (== netstandard2.0) (== netcoreapp2.0)
      System.Diagnostics.Debug (>= 4.3) - restriction: || (&& (== net46) (>= dnxcore50)) (&& (== net46) (>= netstandard1.6)) (== netstandard2.0) (== netcoreapp2.0)
      System.Resources.ResourceManager (>= 4.3) - restriction: || (&& (== net46) (>= dnxcore50)) (&& (== net46) (>= netstandard1.6)) (== netstandard2.0) (== netcoreapp2.0)
      System.Runtime (>= 4.3) - restriction: || (&& (== net46) (< net45)) (&& (== net46) (>= dnxcore50)) (&& (== net46) (>= netstandard1.6)) (== netstandard2.0) (== netcoreapp2.0)
      System.Runtime.Extensions (>= 4.3) - restriction: || (&& (== net46) (>= dnxcore50)) (&& (== net46) (>= netstandard1.6)) (== netstandard2.0) (== netcoreapp2.0)
    System.Linq.Expressions (4.3) - restriction: || (&& (== net46) (>= netstandard1.6)) (&& (== net46) (>= netcoreapp1.0)) (== netstandard2.0) (== netcoreapp2.0)
      System.Collections (>= 4.3) - restriction: || (&& (== net46) (>= dnxcore50)) (&& (== net46) (>= netstandard1.6)) (== netstandard2.0) (== netcoreapp2.0)
      System.Diagnostics.Debug (>= 4.3) - restriction: || (&& (== net46) (>= dnxcore50)) (&& (== net46) (>= netstandard1.6)) (== netstandard2.0) (== netcoreapp2.0)
      System.Globalization (>= 4.3) - restriction: || (&& (== net46) (>= dnxcore50)) (&& (== net46) (>= netstandard1.6)) (== netstandard2.0) (== netcoreapp2.0)
      System.IO (>= 4.3) - restriction: || (&& (== net46) (>= dnxcore50)) (&& (== net46) (>= netstandard1.6)) (== netstandard2.0) (== netcoreapp2.0)
      System.Linq (>= 4.3) - restriction: || (&& (== net46) (>= dnxcore50)) (&& (== net46) (>= netstandard1.6)) (== netstandard2.0) (== netcoreapp2.0)
      System.ObjectModel (>= 4.3) - restriction: || (&& (== net46) (>= netstandard1.6)) (== netstandard2.0) (== netcoreapp2.0)
      System.Reflection (>= 4.3) - restriction: || (&& (== net46) (< net45)) (&& (== net46) (>= dnxcore50)) (&& (== net46) (>= netstandard1.6)) (== netstandard2.0) (== netcoreapp2.0)
      System.Reflection.Emit (>= 4.3) - restriction: || (&& (== net46) (>= netstandard1.6)) (== netstandard2.0) (== netcoreapp2.0)
      System.Reflection.Emit.ILGeneration (>= 4.3) - restriction: || (&& (== net46) (>= dnxcore50)) (&& (== net46) (>= netstandard1.6)) (== netstandard2.0) (== netcoreapp2.0)
      System.Reflection.Emit.Lightweight (>= 4.3) - restriction: || (&& (== net46) (>= dnxcore50)) (&& (== net46) (>= netstandard1.6)) (== netstandard2.0) (== netcoreapp2.0)
      System.Reflection.Extensions (>= 4.3) - restriction: || (&& (== net46) (>= dnxcore50)) (&& (== net46) (>= netstandard1.6)) (== netstandard2.0) (== netcoreapp2.0)
      System.Reflection.Primitives (>= 4.3) - restriction: || (&& (== net46) (>= dnxcore50)) (&& (== net46) (>= netstandard1.6)) (== netstandard2.0) (== netcoreapp2.0)
      System.Reflection.TypeExtensions (>= 4.3) - restriction: || (&& (== net46) (>= dnxcore50)) (&& (== net46) (>= netstandard1.6)) (== netstandard2.0) (== netcoreapp2.0)
      System.Resources.ResourceManager (>= 4.3) - restriction: || (&& (== net46) (>= dnxcore50)) (&& (== net46) (>= netstandard1.6)) (== netstandard2.0) (== netcoreapp2.0)
      System.Runtime (>= 4.3) - restriction: || (&& (== net46) (< net45)) (&& (== net46) (>= dnxcore50)) (&& (== net46) (>= netstandard1.6)) (== netstandard2.0) (== netcoreapp2.0)
      System.Runtime.Extensions (>= 4.3) - restriction: || (&& (== net46) (>= dnxcore50)) (&& (== net46) (>= netstandard1.6)) (== netstandard2.0) (== netcoreapp2.0)
      System.Threading (>= 4.3) - restriction: || (&& (== net46) (>= dnxcore50)) (&& (== net46) (>= netstandard1.6)) (== netstandard2.0) (== netcoreapp2.0)
    System.Linq.Parallel (4.3) - restriction: || (&& (== net46) (== netstandard2.0)) (&& (== net46) (== netcoreapp2.0)) (&& (== net46) (>= netstandard1.6)) (== netstandard2.0) (&& (== netstandard2.0) (== netcoreapp2.0)) (== netcoreapp2.0)
      System.Collections (>= 4.3) - restriction: || (&& (== net46) (< net45)) (&& (== net46) (>= dnxcore50)) (== netstandard2.0) (== netcoreapp2.0)
      System.Collections.Concurrent (>= 4.3) - restriction: || (&& (== net46) (< net45)) (&& (== net46) (>= dnxcore50)) (== netstandard2.0) (== netcoreapp2.0)
      System.Diagnostics.Debug (>= 4.3) - restriction: || (&& (== net46) (< net45)) (&& (== net46) (>= dnxcore50)) (== netstandard2.0) (== netcoreapp2.0)
      System.Diagnostics.Tracing (>= 4.3) - restriction: || (&& (== net46) (< net45)) (&& (== net46) (>= dnxcore50)) (== netstandard2.0) (== netcoreapp2.0)
      System.Linq (>= 4.3) - restriction: || (&& (== net46) (< net45)) (&& (== net46) (>= dnxcore50)) (== netstandard2.0) (== netcoreapp2.0)
      System.Resources.ResourceManager (>= 4.3) - restriction: || (&& (== net46) (< net45)) (&& (== net46) (>= dnxcore50)) (== netstandard2.0) (== netcoreapp2.0)
      System.Runtime (>= 4.3) - restriction: || (&& (== net46) (< net45)) (&& (== net46) (>= dnxcore50)) (== netstandard2.0) (== netcoreapp2.0)
      System.Runtime.Extensions (>= 4.3) - restriction: || (&& (== net46) (< net45)) (&& (== net46) (>= dnxcore50)) (== netstandard2.0) (== netcoreapp2.0)
      System.Threading (>= 4.3) - restriction: || (&& (== net46) (< net45)) (&& (== net46) (>= dnxcore50)) (== netstandard2.0) (== netcoreapp2.0)
      System.Threading.Tasks (>= 4.3) - restriction: || (&& (== net46) (< net45)) (&& (== net46) (>= dnxcore50)) (== netstandard2.0) (== netcoreapp2.0)
    System.Linq.Queryable (4.3) - restriction: || (&& (== net46) (< net45) (>= netstandard1.5)) (&& (== net46) (>= netstandard1.6)) (== netstandard2.0) (== netcoreapp2.0)
      System.Collections (>= 4.3) - restriction: || (&& (== net46) (< net45)) (&& (== net46) (>= dnxcore50)) (== netstandard2.0) (== netcoreapp2.0)
      System.Diagnostics.Debug (>= 4.3) - restriction: || (&& (== net46) (< net45)) (&& (== net46) (>= dnxcore50)) (== netstandard2.0) (== netcoreapp2.0)
      System.Linq (>= 4.3) - restriction: || (&& (== net46) (< net45)) (&& (== net46) (>= dnxcore50)) (== netstandard2.0) (== netcoreapp2.0)
      System.Linq.Expressions (>= 4.3) - restriction: || (&& (== net46) (< net45)) (&& (== net46) (>= dnxcore50)) (== netstandard2.0) (== netcoreapp2.0)
      System.Reflection (>= 4.3) - restriction: || (&& (== net46) (< net45)) (&& (== net46) (>= dnxcore50)) (== netstandard2.0) (== netcoreapp2.0)
      System.Reflection.Extensions (>= 4.3) - restriction: || (&& (== net46) (< net45)) (&& (== net46) (>= dnxcore50)) (== netstandard2.0) (== netcoreapp2.0)
      System.Resources.ResourceManager (>= 4.3) - restriction: || (&& (== net46) (< net45)) (&& (== net46) (>= dnxcore50)) (== netstandard2.0) (== netcoreapp2.0)
      System.Runtime (>= 4.3) - restriction: || (&& (== net46) (< net45)) (&& (== net46) (>= dnxcore50)) (== netstandard2.0) (== netcoreapp2.0)
    System.Net.Http (4.3.2)
      Microsoft.NETCore.Platforms (>= 1.1) - restriction: || (&& (== net46) (< net45)) (&& (== net46) (>= dnxcore50)) (&& (== net46) (>= netstandard1.6)) (== netstandard2.0) (== netcoreapp2.0)
      runtime.native.System (>= 4.3) - restriction: || (&& (== net46) (>= netstandard1.6)) (== netstandard2.0) (== netcoreapp2.0)
      runtime.native.System.Net.Http (>= 4.3) - restriction: || (&& (== net46) (>= netstandard1.6)) (== netstandard2.0) (== netcoreapp2.0)
      runtime.native.System.Security.Cryptography.OpenSsl (>= 4.3) - restriction: || (&& (== net46) (>= netstandard1.6)) (== netstandard2.0) (== netcoreapp2.0)
      System.Collections (>= 4.3) - restriction: || (&& (== net46) (< net45)) (&& (== net46) (>= dnxcore50)) (&& (== net46) (>= netstandard1.6)) (== netstandard2.0) (== netcoreapp2.0)
      System.Diagnostics.Debug (>= 4.3) - restriction: || (&& (== net46) (< net45)) (&& (== net46) (>= dnxcore50)) (&& (== net46) (>= netstandard1.6)) (== netstandard2.0) (== netcoreapp2.0)
      System.Diagnostics.DiagnosticSource (>= 4.3) - restriction: || (&& (== net46) (< net45)) (&& (== net46) (>= dnxcore50)) (&& (== net46) (>= netstandard1.6)) (== netstandard2.0) (== netcoreapp2.0)
      System.Diagnostics.Tracing (>= 4.3) - restriction: || (&& (== net46) (< net45)) (&& (== net46) (>= dnxcore50)) (&& (== net46) (>= netstandard1.6)) (== netstandard2.0) (== netcoreapp2.0)
      System.Globalization (>= 4.3) - restriction: || (&& (== net46) (< net45)) (&& (== net46) (>= dnxcore50)) (&& (== net46) (>= netstandard1.6)) (== netstandard2.0) (== netcoreapp2.0)
      System.Globalization.Extensions (>= 4.3) - restriction: || (&& (== net46) (>= netstandard1.6)) (== netstandard2.0) (== netcoreapp2.0)
      System.IO (>= 4.3) - restriction: || (&& (== net46) (< net45)) (&& (== net46) (>= dnxcore50)) (&& (== net46) (>= netstandard1.6)) (== netstandard2.0) (== netcoreapp2.0)
      System.IO.FileSystem (>= 4.3) - restriction: || (&& (== net46) (>= netstandard1.6)) (== netstandard2.0) (== netcoreapp2.0)
      System.Net.Primitives (>= 4.3) - restriction: || (&& (== net46) (< net45)) (&& (== net46) (>= dnxcore50)) (&& (== net46) (>= netstandard1.6)) (== netstandard2.0) (== netcoreapp2.0)
      System.Resources.ResourceManager (>= 4.3) - restriction: || (&& (== net46) (< net45)) (&& (== net46) (>= dnxcore50)) (&& (== net46) (>= netstandard1.6)) (== netstandard2.0) (== netcoreapp2.0)
      System.Runtime (>= 4.3) - restriction: || (&& (== net46) (< net45)) (&& (== net46) (>= dnxcore50)) (&& (== net46) (>= netstandard1.6)) (== netstandard2.0) (== netcoreapp2.0)
      System.Runtime.Extensions (>= 4.3) - restriction: || (&& (== net46) (< net45)) (&& (== net46) (>= dnxcore50)) (&& (== net46) (>= netstandard1.6)) (== netstandard2.0) (== netcoreapp2.0)
      System.Runtime.Handles (>= 4.3) - restriction: || (&& (== net46) (< net45)) (&& (== net46) (>= netstandard1.6)) (== netstandard2.0) (== netcoreapp2.0)
      System.Runtime.InteropServices (>= 4.3) - restriction: || (&& (== net46) (< net45)) (&& (== net46) (>= dnxcore50)) (&& (== net46) (>= netstandard1.6)) (== netstandard2.0) (== netcoreapp2.0)
      System.Security.Cryptography.Algorithms (>= 4.3) - restriction: || (&& (== net46) (>= netstandard1.6)) (== netstandard2.0) (== netcoreapp2.0)
      System.Security.Cryptography.Encoding (>= 4.3) - restriction: || (&& (== net46) (< net45)) (&& (== net46) (>= netstandard1.6)) (== netstandard2.0) (== netcoreapp2.0)
      System.Security.Cryptography.OpenSsl (>= 4.3) - restriction: || (&& (== net46) (>= netstandard1.6)) (== netstandard2.0) (== netcoreapp2.0)
      System.Security.Cryptography.Primitives (>= 4.3) - restriction: || (&& (== net46) (>= netstandard1.6)) (== netstandard2.0) (== netcoreapp2.0)
      System.Security.Cryptography.X509Certificates (>= 4.3)
      System.Text.Encoding (>= 4.3) - restriction: || (&& (== net46) (< net45)) (&& (== net46) (>= dnxcore50)) (&& (== net46) (>= netstandard1.6)) (== netstandard2.0) (== netcoreapp2.0)
      System.Threading (>= 4.3) - restriction: || (&& (== net46) (< net45)) (&& (== net46) (>= dnxcore50)) (&& (== net46) (>= netstandard1.6)) (== netstandard2.0) (== netcoreapp2.0)
      System.Threading.Tasks (>= 4.3) - restriction: || (&& (== net46) (< net45)) (&& (== net46) (>= dnxcore50)) (&& (== net46) (>= netstandard1.6)) (== netstandard2.0) (== netcoreapp2.0)
    System.Net.NameResolution (4.3) - restriction: || (&& (== net46) (== netstandard2.0)) (&& (== net46) (== netcoreapp2.0)) (&& (== net46) (>= netstandard1.6)) (== netstandard2.0) (&& (== netstandard2.0) (== netcoreapp2.0)) (== netcoreapp2.0)
      Microsoft.NETCore.Platforms (>= 1.1) - restriction: || (&& (== net46) (>= dnxcore50)) (== netstandard2.0) (== netcoreapp2.0)
      runtime.native.System (>= 4.3) - restriction: || (== netstandard2.0) (== netcoreapp2.0)
      System.Collections (>= 4.3) - restriction: || (&& (== net46) (>= dnxcore50)) (== netstandard2.0) (== netcoreapp2.0)
      System.Diagnostics.Tracing (>= 4.3) - restriction: || (&& (== net46) (>= dnxcore50)) (== netstandard2.0) (== netcoreapp2.0)
      System.Globalization (>= 4.3) - restriction: || (&& (== net46) (>= dnxcore50)) (== netstandard2.0) (== netcoreapp2.0)
      System.Net.Primitives (>= 4.3) - restriction: || (&& (== net46) (>= dnxcore50)) (== netstandard2.0) (== netcoreapp2.0)
      System.Resources.ResourceManager (>= 4.3) - restriction: || (&& (== net46) (>= dnxcore50)) (== netstandard2.0) (== netcoreapp2.0)
      System.Runtime (>= 4.3) - restriction: || (&& (== net46) (>= dnxcore50)) (== netstandard2.0) (== netcoreapp2.0)
      System.Runtime.Extensions (>= 4.3) - restriction: || (&& (== net46) (>= dnxcore50)) (== netstandard2.0) (== netcoreapp2.0)
      System.Runtime.Handles (>= 4.3) - restriction: || (&& (== net46) (>= dnxcore50)) (== netstandard2.0) (== netcoreapp2.0)
      System.Runtime.InteropServices (>= 4.3) - restriction: || (&& (== net46) (>= dnxcore50)) (== netstandard2.0) (== netcoreapp2.0)
      System.Security.Principal.Windows (>= 4.3) - restriction: || (== netstandard2.0) (== netcoreapp2.0)
      System.Threading (>= 4.3) - restriction: || (&& (== net46) (>= dnxcore50)) (== netstandard2.0) (== netcoreapp2.0)
      System.Threading.Tasks (>= 4.3) - restriction: || (&& (== net46) (>= dnxcore50)) (== netstandard2.0) (== netcoreapp2.0)
    System.Net.Primitives (4.3) - restriction: || (&& (== net46) (< net45)) (&& (== net46) (>= dnxcore50)) (&& (== net46) (>= netstandard1.6)) (== netstandard2.0) (== netcoreapp2.0)
      Microsoft.NETCore.Platforms (>= 1.1) - restriction: || (&& (== net46) (< net45)) (&& (== net46) (>= dnxcore50)) (&& (== net46) (< netstandard1.1)) (== netstandard2.0) (== netcoreapp2.0)
      Microsoft.NETCore.Targets (>= 1.1) - restriction: || (&& (== net46) (< net45)) (&& (== net46) (>= dnxcore50)) (&& (== net46) (< netstandard1.1)) (== netstandard2.0) (== netcoreapp2.0)
      System.Runtime (>= 4.3) - restriction: || (&& (== net46) (< net45)) (&& (== net46) (>= dnxcore50)) (&& (== net46) (< netstandard1.1)) (== netstandard2.0) (== netcoreapp2.0)
      System.Runtime.Handles (>= 4.3) - restriction: || (&& (== net46) (< net45)) (&& (== net46) (>= dnxcore50)) (== netstandard2.0) (== netcoreapp2.0)
    System.Net.Requests (4.3) - restriction: || (&& (== net46) (>= net461)) (&& (== net46) (>= netstandard1.6)) (== netstandard2.0) (== netcoreapp2.0)
      Microsoft.NETCore.Platforms (>= 1.1) - restriction: || (&& (== net46) (< net45)) (== netstandard2.0) (== netcoreapp2.0)
      System.Collections (>= 4.3) - restriction: || (&& (== net46) (< net45)) (&& (== net46) (>= dnxcore50)) (== netstandard2.0) (== netcoreapp2.0)
      System.Diagnostics.Debug (>= 4.3) - restriction: || (&& (== net46) (< net45)) (&& (== net46) (>= dnxcore50)) (== netstandard2.0) (== netcoreapp2.0)
      System.Diagnostics.Tracing (>= 4.3) - restriction: || (&& (== net46) (< net45)) (&& (== net46) (>= dnxcore50)) (== netstandard2.0) (== netcoreapp2.0)
      System.Globalization (>= 4.3) - restriction: || (&& (== net46) (< net45)) (&& (== net46) (>= dnxcore50)) (== netstandard2.0) (== netcoreapp2.0)
      System.IO (>= 4.3) - restriction: || (&& (== net46) (< net45)) (&& (== net46) (>= dnxcore50)) (&& (== net46) (< netstandard1.1)) (== netstandard2.0) (== netcoreapp2.0)
      System.Net.Http (>= 4.3) - restriction: || (&& (== net46) (< net45)) (&& (== net46) (>= dnxcore50)) (== netstandard2.0) (== netcoreapp2.0)
      System.Net.Primitives (>= 4.3) - restriction: || (&& (== net46) (< net45)) (&& (== net46) (>= dnxcore50)) (&& (== net46) (< netstandard1.1)) (== netstandard2.0) (== netcoreapp2.0)
      System.Net.WebHeaderCollection (>= 4.3) - restriction: || (&& (== net46) (< net45)) (&& (== net46) (>= dnxcore50)) (== netstandard2.0) (== netcoreapp2.0)
      System.Resources.ResourceManager (>= 4.3) - restriction: || (&& (== net46) (< net45)) (&& (== net46) (>= dnxcore50)) (== netstandard2.0) (== netcoreapp2.0)
      System.Runtime (>= 4.3) - restriction: || (&& (== net46) (< net45)) (&& (== net46) (>= dnxcore50)) (&& (== net46) (< netstandard1.1)) (== netstandard2.0) (== netcoreapp2.0)
      System.Threading (>= 4.3) - restriction: || (&& (== net46) (< net45)) (&& (== net46) (>= dnxcore50)) (== netstandard2.0) (== netcoreapp2.0)
      System.Threading.Tasks (>= 4.3) - restriction: || (&& (== net46) (< net45)) (&& (== net46) (>= dnxcore50)) (== netstandard2.0) (== netcoreapp2.0)
    System.Net.Security (4.3.1) - restriction: || (&& (== net46) (== netstandard2.0)) (&& (== net46) (== netcoreapp2.0)) (&& (== net46) (>= netstandard1.6)) (== netstandard2.0) (&& (== netstandard2.0) (== netcoreapp2.0)) (== netcoreapp2.0)
      Microsoft.NETCore.Platforms (>= 1.1) - restriction: || (&& (== net46) (>= netstandard1.6)) (== netstandard2.0) (== netcoreapp2.0)
      Microsoft.Win32.Primitives (>= 4.3) - restriction: || (&& (== net46) (>= netstandard1.6)) (== netstandard2.0) (== netcoreapp2.0)
      runtime.native.System (>= 4.3) - restriction: || (&& (== net46) (>= netstandard1.6)) (== netstandard2.0) (== netcoreapp2.0)
      runtime.native.System.Net.Security (>= 4.3) - restriction: || (&& (== net46) (>= netstandard1.6)) (== netstandard2.0) (== netcoreapp2.0)
      runtime.native.System.Security.Cryptography.OpenSsl (>= 4.3) - restriction: || (&& (== net46) (>= netstandard1.6)) (== netstandard2.0) (== netcoreapp2.0)
      System.Collections (>= 4.3) - restriction: || (&& (== net46) (>= netstandard1.6)) (== netstandard2.0) (== netcoreapp2.0)
      System.Collections.Concurrent (>= 4.3) - restriction: || (&& (== net46) (>= netstandard1.6)) (== netstandard2.0) (== netcoreapp2.0)
      System.Diagnostics.Tracing (>= 4.3) - restriction: || (&& (== net46) (>= netstandard1.6)) (== netstandard2.0) (== netcoreapp2.0)
      System.Globalization (>= 4.3) - restriction: || (&& (== net46) (>= netstandard1.6)) (== netstandard2.0) (== netcoreapp2.0)
      System.Globalization.Extensions (>= 4.3) - restriction: || (&& (== net46) (>= netstandard1.6)) (== netstandard2.0) (== netcoreapp2.0)
      System.IO (>= 4.3) - restriction: || (&& (== net46) (>= netstandard1.6)) (== netstandard2.0) (== netcoreapp2.0)
      System.Net.Primitives (>= 4.3) - restriction: || (&& (== net46) (>= netstandard1.6)) (== netstandard2.0) (== netcoreapp2.0)
      System.Resources.ResourceManager (>= 4.3) - restriction: || (&& (== net46) (>= netstandard1.6)) (== netstandard2.0) (== netcoreapp2.0)
      System.Runtime (>= 4.3) - restriction: || (&& (== net46) (>= netstandard1.6)) (== netstandard2.0) (== netcoreapp2.0)
      System.Runtime.Extensions (>= 4.3) - restriction: || (&& (== net46) (>= netstandard1.6)) (== netstandard2.0) (== netcoreapp2.0)
      System.Runtime.Handles (>= 4.3) - restriction: || (&& (== net46) (>= netstandard1.6)) (== netstandard2.0) (== netcoreapp2.0)
      System.Runtime.InteropServices (>= 4.3) - restriction: || (&& (== net46) (>= netstandard1.6)) (== netstandard2.0) (== netcoreapp2.0)
      System.Security.Claims (>= 4.3) - restriction: || (&& (== net46) (>= netstandard1.6)) (== netstandard2.0) (== netcoreapp2.0)
      System.Security.Cryptography.Algorithms (>= 4.3) - restriction: || (&& (== net46) (>= netstandard1.6)) (== netstandard2.0) (== netcoreapp2.0)
      System.Security.Cryptography.Encoding (>= 4.3) - restriction: || (&& (== net46) (>= netstandard1.6)) (== netstandard2.0) (== netcoreapp2.0)
      System.Security.Cryptography.OpenSsl (>= 4.3) - restriction: || (&& (== net46) (>= netstandard1.6)) (== netstandard2.0) (== netcoreapp2.0)
      System.Security.Cryptography.Primitives (>= 4.3) - restriction: || (&& (== net46) (>= netstandard1.6)) (== netstandard2.0) (== netcoreapp2.0)
      System.Security.Cryptography.X509Certificates (>= 4.3)
      System.Security.Principal (>= 4.3) - restriction: || (&& (== net46) (>= netstandard1.6)) (== netstandard2.0) (== netcoreapp2.0)
      System.Text.Encoding (>= 4.3) - restriction: || (&& (== net46) (>= netstandard1.6)) (== netstandard2.0) (== netcoreapp2.0)
      System.Threading (>= 4.3) - restriction: || (&& (== net46) (>= netstandard1.6)) (== netstandard2.0) (== netcoreapp2.0)
      System.Threading.Tasks (>= 4.3) - restriction: || (&& (== net46) (>= netstandard1.6)) (== netstandard2.0) (== netcoreapp2.0)
      System.Threading.ThreadPool (>= 4.3) - restriction: || (&& (== net46) (>= netstandard1.6)) (== netstandard2.0) (== netcoreapp2.0)
    System.Net.WebHeaderCollection (4.3) - restriction: || (&& (== net46) (== netstandard2.0)) (&& (== net46) (== netcoreapp2.0)) (&& (== net46) (>= netstandard1.6)) (== netstandard2.0) (&& (== netstandard2.0) (== netcoreapp2.0)) (== netcoreapp2.0)
      System.Collections (>= 4.3) - restriction: || (== netstandard2.0) (== netcoreapp2.0)
      System.Resources.ResourceManager (>= 4.3) - restriction: || (== netstandard2.0) (== netcoreapp2.0)
      System.Runtime (>= 4.3) - restriction: || (== netstandard2.0) (== netcoreapp2.0)
      System.Runtime.Extensions (>= 4.3) - restriction: || (== netstandard2.0) (== netcoreapp2.0)
    System.ObjectModel (4.3) - restriction: || (&& (== net46) (>= netstandard1.6)) (&& (== net46) (>= netcoreapp1.0)) (== netstandard2.0) (== netcoreapp2.0)
      System.Collections (>= 4.3) - restriction: || (&& (== net46) (< net45)) (&& (== net46) (>= dnxcore50)) (== netstandard2.0) (== netcoreapp2.0)
      System.Diagnostics.Debug (>= 4.3) - restriction: || (&& (== net46) (< net45)) (&& (== net46) (>= dnxcore50)) (== netstandard2.0) (== netcoreapp2.0)
      System.Resources.ResourceManager (>= 4.3) - restriction: || (&& (== net46) (< net45)) (&& (== net46) (>= dnxcore50)) (== netstandard2.0) (== netcoreapp2.0)
      System.Runtime (>= 4.3) - restriction: || (&& (== net46) (< net45)) (&& (== net46) (>= dnxcore50)) (== netstandard2.0) (== netcoreapp2.0)
      System.Threading (>= 4.3) - restriction: || (&& (== net46) (< net45)) (&& (== net46) (>= dnxcore50)) (== netstandard2.0) (== netcoreapp2.0)
    System.Private.DataContractSerialization (4.3) - restriction: || (&& (== net46) (== netstandard2.0)) (&& (== net46) (== netcoreapp2.0)) (&& (== net46) (>= netstandard1.6)) (== netstandard2.0) (&& (== netstandard2.0) (== netcoreapp2.0)) (== netcoreapp2.0)
      System.Collections (>= 4.3) - restriction: || (&& (== net46) (>= dnxcore50)) (== netstandard2.0) (== netcoreapp2.0)
      System.Collections.Concurrent (>= 4.3) - restriction: || (&& (== net46) (>= dnxcore50)) (== netstandard2.0) (== netcoreapp2.0)
      System.Diagnostics.Debug (>= 4.3) - restriction: || (&& (== net46) (>= dnxcore50)) (== netstandard2.0) (== netcoreapp2.0)
      System.Globalization (>= 4.3) - restriction: || (&& (== net46) (>= dnxcore50)) (== netstandard2.0) (== netcoreapp2.0)
      System.IO (>= 4.3) - restriction: || (&& (== net46) (>= dnxcore50)) (== netstandard2.0) (== netcoreapp2.0)
      System.Linq (>= 4.3) - restriction: || (&& (== net46) (>= dnxcore50)) (== netstandard2.0) (== netcoreapp2.0)
      System.Reflection (>= 4.3) - restriction: || (&& (== net46) (>= dnxcore50)) (== netstandard2.0) (== netcoreapp2.0)
      System.Reflection.Emit.ILGeneration (>= 4.3) - restriction: || (== netstandard2.0) (== netcoreapp2.0)
      System.Reflection.Emit.Lightweight (>= 4.3) - restriction: || (== netstandard2.0) (== netcoreapp2.0)
      System.Reflection.Extensions (>= 4.3) - restriction: || (&& (== net46) (>= dnxcore50)) (== netstandard2.0) (== netcoreapp2.0)
      System.Reflection.Primitives (>= 4.3) - restriction: || (&& (== net46) (>= dnxcore50)) (== netstandard2.0) (== netcoreapp2.0)
      System.Reflection.TypeExtensions (>= 4.3)
      System.Resources.ResourceManager (>= 4.3) - restriction: || (&& (== net46) (>= dnxcore50)) (== netstandard2.0) (== netcoreapp2.0)
      System.Runtime (>= 4.3) - restriction: || (&& (== net46) (>= dnxcore50)) (== netstandard2.0) (== netcoreapp2.0)
      System.Runtime.Extensions (>= 4.3) - restriction: || (&& (== net46) (>= dnxcore50)) (== netstandard2.0) (== netcoreapp2.0)
      System.Runtime.Serialization.Primitives (>= 4.3)
      System.Text.Encoding (>= 4.3) - restriction: || (&& (== net46) (>= dnxcore50)) (== netstandard2.0) (== netcoreapp2.0)
      System.Text.Encoding.Extensions (>= 4.3) - restriction: || (&& (== net46) (>= dnxcore50)) (== netstandard2.0) (== netcoreapp2.0)
      System.Text.RegularExpressions (>= 4.3) - restriction: || (&& (== net46) (>= dnxcore50)) (== netstandard2.0) (== netcoreapp2.0)
      System.Threading (>= 4.3) - restriction: || (&& (== net46) (>= dnxcore50)) (== netstandard2.0) (== netcoreapp2.0)
      System.Threading.Tasks (>= 4.3) - restriction: || (&& (== net46) (>= dnxcore50)) (== netstandard2.0) (== netcoreapp2.0)
      System.Xml.ReaderWriter (>= 4.3) - restriction: || (&& (== net46) (>= dnxcore50)) (== netstandard2.0) (== netcoreapp2.0)
      System.Xml.XDocument (>= 4.3) - restriction: || (&& (== net46) (>= dnxcore50)) (== netstandard2.0) (== netcoreapp2.0)
      System.Xml.XmlDocument (>= 4.3)
      System.Xml.XmlSerializer (>= 4.3) - restriction: || (&& (== net46) (>= dnxcore50)) (== netstandard2.0) (== netcoreapp2.0)
    System.Reflection (4.3) - restriction: || (&& (== net46) (< net20)) (&& (== net46) (< net45)) (&& (== net46) (>= dnxcore50)) (&& (== net46) (>= netstandard1.6)) (&& (== net46) (>= netcoreapp1.0)) (&& (== net46) (>= netcoreapp1.1)) (== netstandard2.0) (== netcoreapp2.0)
      Microsoft.NETCore.Platforms (>= 1.1) - restriction: || (&& (== net46) (< net45)) (&& (== net46) (>= dnxcore50)) (== netstandard2.0) (== netcoreapp2.0)
      Microsoft.NETCore.Targets (>= 1.1) - restriction: || (&& (== net46) (< net45)) (&& (== net46) (>= dnxcore50)) (== netstandard2.0) (== netcoreapp2.0)
      System.IO (>= 4.3) - restriction: || (&& (== net46) (< net45)) (&& (== net46) (>= dnxcore50)) (== netstandard2.0) (== netcoreapp2.0)
      System.Reflection.Primitives (>= 4.3) - restriction: || (&& (== net46) (< net45)) (&& (== net46) (>= dnxcore50)) (== netstandard2.0) (== netcoreapp2.0)
      System.Runtime (>= 4.3) - restriction: || (&& (== net46) (< net45)) (&& (== net46) (>= dnxcore50)) (== netstandard2.0) (== netcoreapp2.0)
    System.Reflection.Emit (4.3) - restriction: || (&& (== net46) (>= netstandard1.6)) (&& (== net46) (>= netcoreapp1.0)) (== netstandard2.0) (== netcoreapp2.0)
      System.IO (>= 4.3) - restriction: || (&& (== net46) (< net45)) (== netstandard2.0) (== netcoreapp2.0)
      System.Reflection (>= 4.3) - restriction: || (&& (== net46) (< net45)) (== netstandard2.0) (== netcoreapp2.0)
      System.Reflection.Emit.ILGeneration (>= 4.3) - restriction: || (&& (== net46) (< net45)) (== netstandard2.0) (== netcoreapp2.0)
      System.Reflection.Primitives (>= 4.3) - restriction: || (&& (== net46) (< net45)) (== netstandard2.0) (== netcoreapp2.0)
      System.Runtime (>= 4.3) - restriction: || (&& (== net46) (< net45)) (== netstandard2.0) (== netcoreapp2.0)
    System.Reflection.Emit.ILGeneration (4.3) - restriction: || (&& (== net46) (>= netstandard1.6)) (&& (== net46) (>= netcoreapp1.0)) (== netstandard2.0) (== netcoreapp2.0)
      System.Reflection (>= 4.3) - restriction: || (&& (== net46) (< net45)) (== netstandard2.0) (== netcoreapp2.0)
      System.Reflection.Primitives (>= 4.3) - restriction: || (&& (== net46) (< net45)) (== netstandard2.0) (== netcoreapp2.0)
      System.Runtime (>= 4.3) - restriction: || (&& (== net46) (< net45)) (== netstandard2.0) (== netcoreapp2.0)
    System.Reflection.Emit.Lightweight (4.3) - restriction: || (&& (== net46) (< net45) (>= netstandard1.5)) (&& (== net46) (>= netstandard1.6)) (== netstandard2.0) (== netcoreapp2.0)
      System.Reflection (>= 4.3) - restriction: || (&& (== net46) (< net45)) (== netstandard2.0) (== netcoreapp2.0)
      System.Reflection.Emit.ILGeneration (>= 4.3) - restriction: || (&& (== net46) (< net45)) (== netstandard2.0) (== netcoreapp2.0)
      System.Reflection.Primitives (>= 4.3) - restriction: || (&& (== net46) (< net45)) (== netstandard2.0) (== netcoreapp2.0)
      System.Runtime (>= 4.3) - restriction: || (&& (== net46) (< net45)) (== netstandard2.0) (== netcoreapp2.0)
    System.Reflection.Extensions (4.3) - restriction: || (&& (== net46) (< net20)) (&& (== net46) (>= netstandard1.6)) (&& (== net46) (>= netcoreapp1.0)) (== netstandard2.0) (== netcoreapp2.0)
      Microsoft.NETCore.Platforms (>= 1.1) - restriction: || (&& (== net46) (< net45)) (&& (== net46) (>= dnxcore50)) (== netstandard2.0) (== netcoreapp2.0)
      Microsoft.NETCore.Targets (>= 1.1) - restriction: || (&& (== net46) (< net45)) (&& (== net46) (>= dnxcore50)) (== netstandard2.0) (== netcoreapp2.0)
      System.Reflection (>= 4.3) - restriction: || (&& (== net46) (< net45)) (&& (== net46) (>= dnxcore50)) (== netstandard2.0) (== netcoreapp2.0)
      System.Runtime (>= 4.3) - restriction: || (&& (== net46) (< net45)) (&& (== net46) (>= dnxcore50)) (== netstandard2.0) (== netcoreapp2.0)
    System.Reflection.Metadata (1.5) - restriction: || (&& (== net46) (>= netstandard1.6)) (&& (== net46) (>= netcoreapp1.0)) (== netstandard2.0) (== netcoreapp2.0)
      System.Collections.Immutable (>= 1.4) - restriction: || (== net46) (== netstandard2.0) (&& (== netcoreapp2.0) (< netstandard1.1)) (&& (== netcoreapp2.0) (< netstandard2.0)) (&& (== netcoreapp2.0) (>= monotouch)) (&& (== netcoreapp2.0) (>= xamarintvos)) (&& (== netcoreapp2.0) (>= xamarinwatchos)) (&& (== netcoreapp2.0) (>= xamarinios)) (&& (== netcoreapp2.0) (>= xamarinmac)) (&& (== netcoreapp2.0) (< portable-net45+win8))
    System.Reflection.Primitives (4.3) - restriction: || (&& (== net46) (< net20)) (&& (== net46) (>= netstandard1.6)) (&& (== net46) (>= netcoreapp1.0)) (&& (== net46) (>= netcoreapp1.1)) (== netstandard2.0) (== netcoreapp2.0)
      Microsoft.NETCore.Platforms (>= 1.1) - restriction: || (&& (== net46) (< net45)) (&& (== net46) (>= dnxcore50)) (== netstandard2.0) (== netcoreapp2.0)
      Microsoft.NETCore.Targets (>= 1.1) - restriction: || (&& (== net46) (< net45)) (&& (== net46) (>= dnxcore50)) (== netstandard2.0) (== netcoreapp2.0)
      System.Runtime (>= 4.3) - restriction: || (&& (== net46) (< net45)) (&& (== net46) (>= dnxcore50)) (== netstandard2.0) (== netcoreapp2.0)
    System.Reflection.TypeExtensions (4.4)
    System.Resources.ResourceManager (4.3) - restriction: || (&& (== net46) (< net20)) (&& (== net46) (< net45)) (&& (== net46) (>= dnxcore50)) (&& (== net46) (>= netstandard1.6)) (&& (== net46) (>= netcoreapp1.0)) (== netstandard2.0) (== netcoreapp2.0)
      Microsoft.NETCore.Platforms (>= 1.1) - restriction: || (&& (== net46) (< net45)) (&& (== net46) (>= dnxcore50)) (== netstandard2.0) (== netcoreapp2.0)
      Microsoft.NETCore.Targets (>= 1.1) - restriction: || (&& (== net46) (< net45)) (&& (== net46) (>= dnxcore50)) (== netstandard2.0) (== netcoreapp2.0)
      System.Globalization (>= 4.3) - restriction: || (&& (== net46) (< net45)) (&& (== net46) (>= dnxcore50)) (== netstandard2.0) (== netcoreapp2.0)
      System.Reflection (>= 4.3) - restriction: || (&& (== net46) (< net45)) (&& (== net46) (>= dnxcore50)) (== netstandard2.0) (== netcoreapp2.0)
      System.Runtime (>= 4.3) - restriction: || (&& (== net46) (< net45)) (&& (== net46) (>= dnxcore50)) (== netstandard2.0) (== netcoreapp2.0)
    System.Runtime (4.3) - restriction: || (&& (== net46) (< net20)) (&& (== net46) (< net45)) (&& (== net46) (>= dnxcore50)) (&& (== net46) (>= netstandard1.6)) (&& (== net46) (>= netcoreapp1.0)) (&& (== net46) (>= netcoreapp1.1)) (== netstandard2.0) (== netcoreapp2.0)
      Microsoft.NETCore.Platforms (>= 1.1) - restriction: || (&& (== net46) (< net45)) (&& (== net46) (>= dnxcore50)) (== netstandard2.0) (== netcoreapp2.0)
      Microsoft.NETCore.Targets (>= 1.1) - restriction: || (&& (== net46) (< net45)) (&& (== net46) (>= dnxcore50)) (== netstandard2.0) (== netcoreapp2.0)
    System.Runtime.CompilerServices.Unsafe (4.4) - restriction: || (&& (== net46) (== netstandard2.0)) (&& (== net46) (== netcoreapp2.0)) (&& (== net46) (>= netstandard2.0)) (== netstandard2.0) (&& (== netstandard2.0) (== netcoreapp2.0)) (== netcoreapp2.0)
    System.Runtime.Extensions (4.3) - restriction: || (&& (== net46) (< net20)) (&& (== net46) (< net45)) (&& (== net46) (>= dnxcore50)) (&& (== net46) (>= netstandard1.6)) (&& (== net46) (>= netcoreapp1.0)) (== netstandard2.0) (== netcoreapp2.0)
      Microsoft.NETCore.Platforms (>= 1.1) - restriction: || (&& (== net46) (< net45)) (&& (== net46) (>= dnxcore50)) (== netstandard2.0) (== netcoreapp2.0)
      Microsoft.NETCore.Targets (>= 1.1) - restriction: || (&& (== net46) (< net45)) (&& (== net46) (>= dnxcore50)) (== netstandard2.0) (== netcoreapp2.0)
      System.Runtime (>= 4.3) - restriction: || (&& (== net46) (< net45)) (&& (== net46) (>= dnxcore50)) (== netstandard2.0) (== netcoreapp2.0)
    System.Runtime.Handles (4.3) - restriction: || (&& (== net46) (< net45)) (&& (== net46) (>= netstandard1.6)) (&& (== net46) (>= netcoreapp1.1)) (== netstandard2.0) (== netcoreapp2.0)
      Microsoft.NETCore.Platforms (>= 1.1) - restriction: || (== netstandard2.0) (== netcoreapp2.0)
      Microsoft.NETCore.Targets (>= 1.1) - restriction: || (== netstandard2.0) (== netcoreapp2.0)
      System.Runtime (>= 4.3) - restriction: || (== netstandard2.0) (== netcoreapp2.0)
    System.Runtime.InteropServices (4.3) - restriction: || (&& (== net46) (< net45)) (&& (== net46) (>= dnxcore50)) (&& (== net46) (>= netstandard1.6)) (&& (== net46) (>= netcoreapp1.0)) (== netstandard2.0) (== netcoreapp2.0)
      Microsoft.NETCore.Platforms (>= 1.1) - restriction: || (&& (== net46) (< net45)) (&& (== net46) (>= dnxcore50)) (&& (== net46) (>= netcoreapp1.1)) (== netstandard2.0) (== netcoreapp2.0)
      Microsoft.NETCore.Targets (>= 1.1) - restriction: || (&& (== net46) (< net45)) (&& (== net46) (>= dnxcore50)) (&& (== net46) (>= netcoreapp1.1)) (== netstandard2.0) (== netcoreapp2.0)
      System.Reflection (>= 4.3) - restriction: || (&& (== net46) (< net45)) (&& (== net46) (>= dnxcore50)) (&& (== net46) (>= netcoreapp1.1)) (== netstandard2.0) (== netcoreapp2.0)
      System.Reflection.Primitives (>= 4.3) - restriction: || (&& (== net46) (< net45)) (&& (== net46) (>= dnxcore50)) (&& (== net46) (>= netcoreapp1.1)) (== netstandard2.0) (== netcoreapp2.0)
      System.Runtime (>= 4.3) - restriction: || (&& (== net46) (< net45)) (&& (== net46) (>= net462)) (&& (== net46) (>= dnxcore50)) (&& (== net46) (>= netcoreapp1.1)) (== netstandard2.0) (== netcoreapp2.0)
      System.Runtime.Handles (>= 4.3) - restriction: || (&& (== net46) (< net45)) (&& (== net46) (>= dnxcore50)) (&& (== net46) (>= netcoreapp1.1)) (== netstandard2.0) (== netcoreapp2.0)
    System.Runtime.InteropServices.RuntimeInformation (4.3) - restriction: || (== net46) (&& (== netstandard2.0) (>= net45)) (&& (== netstandard2.0) (>= netcoreapp1.0)) (== netcoreapp2.0)
      runtime.native.System (>= 4.3) - restriction: || (&& (== net46) (< net45)) (== netstandard2.0) (== netcoreapp2.0)
      System.Reflection (>= 4.3) - restriction: || (&& (== net46) (< net45)) (&& (== net46) (>= dnxcore50)) (== netstandard2.0) (== netcoreapp2.0)
      System.Reflection.Extensions (>= 4.3) - restriction: || (&& (== net46) (< net45)) (&& (== net46) (>= dnxcore50)) (== netstandard2.0) (== netcoreapp2.0)
      System.Resources.ResourceManager (>= 4.3) - restriction: || (&& (== net46) (< net45)) (&& (== net46) (>= dnxcore50)) (== netstandard2.0) (== netcoreapp2.0)
      System.Runtime (>= 4.3) - restriction: || (&& (== net46) (< net45)) (&& (== net46) (>= dnxcore50)) (== netstandard2.0) (== netcoreapp2.0)
      System.Runtime.InteropServices (>= 4.3) - restriction: || (&& (== net46) (< net45)) (== netstandard2.0) (== netcoreapp2.0)
      System.Threading (>= 4.3) - restriction: || (&& (== net46) (< net45)) (&& (== net46) (>= dnxcore50)) (== netstandard2.0) (== netcoreapp2.0)
    System.Runtime.Loader (4.3) - restriction: || (&& (== net46) (== netstandard2.0) (>= netcoreapp1.0)) (&& (== net46) (== netcoreapp2.0)) (&& (== net46) (>= netcoreapp1.0)) (&& (== netstandard2.0) (== netcoreapp2.0)) (&& (== netstandard2.0) (>= netcoreapp1.0)) (== netcoreapp2.0)
      System.IO (>= 4.3) - restriction: || (&& (== net46) (>= netstandard1.5)) (== netstandard2.0) (== netcoreapp2.0)
      System.Reflection (>= 4.3) - restriction: || (&& (== net46) (>= netstandard1.5)) (== netstandard2.0) (== netcoreapp2.0)
      System.Runtime (>= 4.3) - restriction: || (&& (== net46) (>= netstandard1.5)) (== netstandard2.0) (== netcoreapp2.0)
    System.Runtime.Numerics (4.3) - restriction: || (&& (== net46) (>= dnxcore50)) (&& (== net46) (>= netstandard1.6)) (== netstandard2.0) (== netcoreapp2.0)
      System.Globalization (>= 4.3) - restriction: || (&& (== net46) (< net45)) (&& (== net46) (>= dnxcore50)) (== netstandard2.0) (== netcoreapp2.0)
      System.Resources.ResourceManager (>= 4.3) - restriction: || (&& (== net46) (< net45)) (&& (== net46) (>= dnxcore50)) (== netstandard2.0) (== netcoreapp2.0)
      System.Runtime (>= 4.3) - restriction: || (&& (== net46) (< net45)) (&& (== net46) (>= dnxcore50)) (== netstandard2.0) (== netcoreapp2.0)
      System.Runtime.Extensions (>= 4.3) - restriction: || (&& (== net46) (< net45)) (&& (== net46) (>= dnxcore50)) (== netstandard2.0) (== netcoreapp2.0)
    System.Runtime.Serialization.Formatters (4.3) - restriction: || (&& (== net46) (== netstandard2.0)) (&& (== net46) (== netcoreapp2.0)) (&& (== net46) (< net20)) (== netstandard2.0) (&& (== netstandard2.0) (== netcoreapp2.0)) (== netcoreapp2.0)
      System.Collections (>= 4.3) - restriction: || (== netstandard2.0) (== netcoreapp2.0)
      System.Reflection (>= 4.3) - restriction: || (== netstandard2.0) (== netcoreapp2.0)
      System.Resources.ResourceManager (>= 4.3) - restriction: || (== netstandard2.0) (== netcoreapp2.0)
      System.Runtime (>= 4.3) - restriction: || (== netstandard2.0) (== netcoreapp2.0)
      System.Runtime.Serialization.Primitives (>= 4.3)
    System.Runtime.Serialization.Json (4.3) - restriction: || (&& (== net46) (>= netstandard1.6)) (&& (== net46) (>= netcoreapp1.0)) (== netstandard2.0) (== netcoreapp2.0)
      System.IO (>= 4.3) - restriction: || (&& (== net46) (< net45)) (&& (== net46) (>= dnxcore50)) (== netstandard2.0) (== netcoreapp2.0)
      System.Private.DataContractSerialization (>= 4.3) - restriction: || (&& (== net46) (< net45)) (&& (== net46) (>= dnxcore50)) (== netstandard2.0) (== netcoreapp2.0)
      System.Runtime (>= 4.3) - restriction: || (&& (== net46) (< net45)) (&& (== net46) (>= dnxcore50)) (== netstandard2.0) (== netcoreapp2.0)
    System.Runtime.Serialization.Primitives (4.3)
      System.Resources.ResourceManager (>= 4.3) - restriction: || (&& (== net46) (< net45)) (&& (== net46) (>= dnxcore50)) (== netstandard2.0) (== netcoreapp2.0)
      System.Runtime (>= 4.3) - restriction: || (&& (== net46) (< net45)) (&& (== net46) (>= dnxcore50)) (== netstandard2.0) (== netcoreapp2.0)
    System.Runtime.Serialization.Xml (4.3) - restriction: || (&& (== net46) (== netstandard2.0)) (&& (== net46) (== netcoreapp2.0)) (&& (== net46) (>= net461)) (&& (== net46) (>= netstandard1.6)) (== netstandard2.0) (&& (== netstandard2.0) (== netcoreapp2.0)) (== netcoreapp2.0)
      System.IO (>= 4.3) - restriction: || (&& (== net46) (< net45)) (&& (== net46) (>= dnxcore50)) (== netstandard2.0) (== netcoreapp2.0)
      System.Private.DataContractSerialization (>= 4.3) - restriction: || (&& (== net46) (< net45)) (&& (== net46) (>= dnxcore50)) (== netstandard2.0) (== netcoreapp2.0)
      System.Runtime (>= 4.3) - restriction: || (&& (== net46) (< net45)) (&& (== net46) (>= dnxcore50)) (== netstandard2.0) (== netcoreapp2.0)
      System.Runtime.Serialization.Primitives (>= 4.3)
      System.Text.Encoding (>= 4.3) - restriction: || (&& (== net46) (< net45)) (&& (== net46) (>= dnxcore50)) (== netstandard2.0) (== netcoreapp2.0)
      System.Xml.ReaderWriter (>= 4.3) - restriction: || (&& (== net46) (< net45)) (&& (== net46) (>= dnxcore50)) (== netstandard2.0) (== netcoreapp2.0)
    System.Security.AccessControl (4.4) - restriction: || (&& (== net46) (== netstandard2.0)) (&& (== net46) (== netcoreapp2.0)) (&& (== net46) (>= net461) (>= netstandard1.6)) (&& (== net46) (< netstandard1.3) (>= netstandard1.6) (>= monoandroid)) (&& (== net46) (>= netstandard2.0)) (&& (== net46) (>= monotouch)) (&& (== net46) (>= xamarintvos)) (&& (== net46) (>= xamarinwatchos)) (&& (== net46) (>= xamarinios)) (&& (== net46) (>= xamarinmac)) (== netstandard2.0) (&& (== netstandard2.0) (== netcoreapp2.0)) (== netcoreapp2.0)
      Microsoft.NETCore.Platforms (>= 2.0) - restriction: || (&& (== net46) (>= netcoreapp2.0)) (&& (== netstandard2.0) (>= netcoreapp2.0)) (== netcoreapp2.0)
      System.Security.Principal.Windows (>= 4.4)
    System.Security.Claims (4.3) - restriction: || (&& (== net46) (>= netstandard1.6)) (== netstandard2.0) (== netcoreapp2.0)
      System.Collections (>= 4.3) - restriction: || (== netstandard2.0) (== netcoreapp2.0)
      System.Globalization (>= 4.3) - restriction: || (== netstandard2.0) (== netcoreapp2.0)
      System.IO (>= 4.3) - restriction: || (== netstandard2.0) (== netcoreapp2.0)
      System.Resources.ResourceManager (>= 4.3) - restriction: || (== netstandard2.0) (== netcoreapp2.0)
      System.Runtime (>= 4.3) - restriction: || (== netstandard2.0) (== netcoreapp2.0)
      System.Runtime.Extensions (>= 4.3) - restriction: || (== netstandard2.0) (== netcoreapp2.0)
      System.Security.Principal (>= 4.3) - restriction: || (== netstandard2.0) (== netcoreapp2.0)
    System.Security.Cryptography.Algorithms (4.3)
      Microsoft.NETCore.Platforms (>= 1.1) - restriction: || (&& (== net46) (>= dnxcore50)) (&& (== net46) (>= netstandard1.6)) (== netstandard2.0) (== netcoreapp2.0)
      runtime.native.System.Security.Cryptography.Apple (>= 4.3) - restriction: || (&& (== net46) (>= netstandard1.6)) (== netstandard2.0) (== netcoreapp2.0)
      runtime.native.System.Security.Cryptography.OpenSsl (>= 4.3) - restriction: || (&& (== net46) (>= netstandard1.6)) (== netstandard2.0) (== netcoreapp2.0)
      System.Collections (>= 4.3) - restriction: || (&& (== net46) (>= netstandard1.6)) (== netstandard2.0) (== netcoreapp2.0)
      System.IO (>= 4.3) - restriction: || (&& (== net46) (>= net463)) (&& (== net46) (>= dnxcore50)) (&& (== net46) (>= netstandard1.6)) (== netstandard2.0) (== netcoreapp2.0)
      System.Resources.ResourceManager (>= 4.3) - restriction: || (&& (== net46) (>= dnxcore50)) (&& (== net46) (>= netstandard1.6)) (== netstandard2.0) (== netcoreapp2.0)
      System.Runtime (>= 4.3) - restriction: || (&& (== net46) (>= net463)) (&& (== net46) (>= dnxcore50)) (&& (== net46) (>= netstandard1.6)) (== netstandard2.0) (== netcoreapp2.0)
      System.Runtime.Extensions (>= 4.3) - restriction: || (&& (== net46) (>= dnxcore50)) (&& (== net46) (>= netstandard1.6)) (== netstandard2.0) (== netcoreapp2.0)
      System.Runtime.Handles (>= 4.3) - restriction: || (&& (== net46) (>= dnxcore50)) (&& (== net46) (>= netstandard1.6)) (== netstandard2.0) (== netcoreapp2.0)
      System.Runtime.InteropServices (>= 4.3) - restriction: || (&& (== net46) (>= dnxcore50)) (&& (== net46) (>= netstandard1.6)) (== netstandard2.0) (== netcoreapp2.0)
      System.Runtime.Numerics (>= 4.3) - restriction: || (&& (== net46) (>= netstandard1.6)) (== netstandard2.0) (== netcoreapp2.0)
      System.Security.Cryptography.Encoding (>= 4.3) - restriction: || (&& (== net46) (>= net463)) (&& (== net46) (>= dnxcore50)) (&& (== net46) (>= netstandard1.6)) (== netstandard2.0) (== netcoreapp2.0)
      System.Security.Cryptography.Primitives (>= 4.3)
      System.Text.Encoding (>= 4.3) - restriction: || (&& (== net46) (>= dnxcore50)) (&& (== net46) (>= netstandard1.6)) (== netstandard2.0) (== netcoreapp2.0)
    System.Security.Cryptography.Cng (4.4) - restriction: || (&& (== net46) (== netstandard2.0)) (&& (== net46) (== netcoreapp2.0)) (&& (== net46) (>= dnxcore50)) (&& (== net46) (>= netstandard1.6)) (== netstandard2.0) (&& (== netstandard2.0) (== netcoreapp2.0)) (== netcoreapp2.0)
      Microsoft.NETCore.Platforms (>= 2.0) - restriction: || (&& (== net46) (>= netcoreapp2.0)) (&& (== netstandard2.0) (>= netcoreapp2.0)) (== netcoreapp2.0)
    System.Security.Cryptography.Csp (4.3) - restriction: || (&& (== net46) (< net35)) (&& (== net46) (>= netstandard1.6)) (== netstandard2.0) (== netcoreapp2.0)
      Microsoft.NETCore.Platforms (>= 1.1) - restriction: || (== netstandard2.0) (== netcoreapp2.0)
      System.IO (>= 4.3) - restriction: || (== netstandard2.0) (== netcoreapp2.0)
      System.Reflection (>= 4.3) - restriction: || (== netstandard2.0) (== netcoreapp2.0)
      System.Resources.ResourceManager (>= 4.3) - restriction: || (== netstandard2.0) (== netcoreapp2.0)
      System.Runtime (>= 4.3) - restriction: || (== netstandard2.0) (== netcoreapp2.0)
      System.Runtime.Extensions (>= 4.3) - restriction: || (== netstandard2.0) (== netcoreapp2.0)
      System.Runtime.Handles (>= 4.3) - restriction: || (== netstandard2.0) (== netcoreapp2.0)
      System.Runtime.InteropServices (>= 4.3) - restriction: || (== netstandard2.0) (== netcoreapp2.0)
      System.Security.Cryptography.Algorithms (>= 4.3)
      System.Security.Cryptography.Encoding (>= 4.3) - restriction: || (== netstandard2.0) (== netcoreapp2.0)
      System.Security.Cryptography.Primitives (>= 4.3)
      System.Text.Encoding (>= 4.3) - restriction: || (== netstandard2.0) (== netcoreapp2.0)
      System.Threading (>= 4.3) - restriction: || (== netstandard2.0) (== netcoreapp2.0)
    System.Security.Cryptography.Encoding (4.3)
      Microsoft.NETCore.Platforms (>= 1.1) - restriction: || (== netstandard2.0) (== netcoreapp2.0)
      runtime.native.System.Security.Cryptography.OpenSsl (>= 4.3) - restriction: || (== netstandard2.0) (== netcoreapp2.0)
      System.Collections (>= 4.3) - restriction: || (== netstandard2.0) (== netcoreapp2.0)
      System.Collections.Concurrent (>= 4.3) - restriction: || (== netstandard2.0) (== netcoreapp2.0)
      System.Linq (>= 4.3) - restriction: || (== netstandard2.0) (== netcoreapp2.0)
      System.Resources.ResourceManager (>= 4.3) - restriction: || (== netstandard2.0) (== netcoreapp2.0)
      System.Runtime (>= 4.3) - restriction: || (== netstandard2.0) (== netcoreapp2.0)
      System.Runtime.Extensions (>= 4.3) - restriction: || (== netstandard2.0) (== netcoreapp2.0)
      System.Runtime.Handles (>= 4.3) - restriction: || (== netstandard2.0) (== netcoreapp2.0)
      System.Runtime.InteropServices (>= 4.3) - restriction: || (== netstandard2.0) (== netcoreapp2.0)
      System.Security.Cryptography.Primitives (>= 4.3) - restriction: || (== netstandard2.0) (== netcoreapp2.0)
      System.Text.Encoding (>= 4.3) - restriction: || (== netstandard2.0) (== netcoreapp2.0)
    System.Security.Cryptography.OpenSsl (4.4) - restriction: || (&& (== net46) (>= netstandard1.6)) (== netstandard2.0) (== netcoreapp2.0)
      Microsoft.NETCore.Platforms (>= 2.0) - restriction: || (&& (== net46) (>= netcoreapp2.0)) (&& (== netstandard2.0) (>= netcoreapp2.0)) (== netcoreapp2.0)
    System.Security.Cryptography.Primitives (4.3)
      System.Diagnostics.Debug (>= 4.3) - restriction: || (== netstandard2.0) (== netcoreapp2.0)
      System.Globalization (>= 4.3) - restriction: || (== netstandard2.0) (== netcoreapp2.0)
      System.IO (>= 4.3) - restriction: || (== netstandard2.0) (== netcoreapp2.0)
      System.Resources.ResourceManager (>= 4.3) - restriction: || (== netstandard2.0) (== netcoreapp2.0)
      System.Runtime (>= 4.3) - restriction: || (== netstandard2.0) (== netcoreapp2.0)
      System.Threading (>= 4.3) - restriction: || (== netstandard2.0) (== netcoreapp2.0)
      System.Threading.Tasks (>= 4.3) - restriction: || (== netstandard2.0) (== netcoreapp2.0)
    System.Security.Cryptography.X509Certificates (4.3)
      Microsoft.NETCore.Platforms (>= 1.1) - restriction: || (&& (== net46) (>= dnxcore50)) (&& (== net46) (>= netstandard1.6)) (== netstandard2.0) (== netcoreapp2.0)
      runtime.native.System (>= 4.3) - restriction: || (&& (== net46) (>= netstandard1.6)) (== netstandard2.0) (== netcoreapp2.0)
      runtime.native.System.Net.Http (>= 4.3) - restriction: || (&& (== net46) (>= netstandard1.6)) (== netstandard2.0) (== netcoreapp2.0)
      runtime.native.System.Security.Cryptography.OpenSsl (>= 4.3) - restriction: || (&& (== net46) (>= netstandard1.6)) (== netstandard2.0) (== netcoreapp2.0)
      System.Collections (>= 4.3) - restriction: || (&& (== net46) (>= dnxcore50)) (&& (== net46) (>= netstandard1.6)) (== netstandard2.0) (== netcoreapp2.0)
      System.Diagnostics.Debug (>= 4.3) - restriction: || (&& (== net46) (>= netstandard1.6)) (== netstandard2.0) (== netcoreapp2.0)
      System.Globalization (>= 4.3) - restriction: || (&& (== net46) (>= dnxcore50)) (&& (== net46) (>= netstandard1.6)) (== netstandard2.0) (== netcoreapp2.0)
      System.Globalization.Calendars (>= 4.3) - restriction: || (&& (== net46) (>= dnxcore50)) (&& (== net46) (>= netstandard1.6)) (== netstandard2.0) (== netcoreapp2.0)
      System.IO (>= 4.3) - restriction: || (&& (== net46) (>= dnxcore50)) (&& (== net46) (>= netstandard1.6)) (== netstandard2.0) (== netcoreapp2.0)
      System.IO.FileSystem (>= 4.3) - restriction: || (&& (== net46) (>= dnxcore50)) (&& (== net46) (>= netstandard1.6)) (== netstandard2.0) (== netcoreapp2.0)
      System.IO.FileSystem.Primitives (>= 4.3) - restriction: || (&& (== net46) (>= netstandard1.6)) (== netstandard2.0) (== netcoreapp2.0)
      System.Resources.ResourceManager (>= 4.3) - restriction: || (&& (== net46) (>= dnxcore50)) (&& (== net46) (>= netstandard1.6)) (== netstandard2.0) (== netcoreapp2.0)
      System.Runtime (>= 4.3) - restriction: || (&& (== net46) (>= dnxcore50)) (&& (== net46) (>= netstandard1.6)) (== netstandard2.0) (== netcoreapp2.0)
      System.Runtime.Extensions (>= 4.3) - restriction: || (&& (== net46) (>= dnxcore50)) (&& (== net46) (>= netstandard1.6)) (== netstandard2.0) (== netcoreapp2.0)
      System.Runtime.Handles (>= 4.3) - restriction: || (&& (== net46) (>= dnxcore50)) (&& (== net46) (>= netstandard1.6)) (== netstandard2.0) (== netcoreapp2.0)
      System.Runtime.InteropServices (>= 4.3) - restriction: || (&& (== net46) (>= dnxcore50)) (&& (== net46) (>= netstandard1.6)) (== netstandard2.0) (== netcoreapp2.0)
      System.Runtime.Numerics (>= 4.3) - restriction: || (&& (== net46) (>= dnxcore50)) (&& (== net46) (>= netstandard1.6)) (== netstandard2.0) (== netcoreapp2.0)
      System.Security.Cryptography.Algorithms (>= 4.3)
      System.Security.Cryptography.Cng (>= 4.3) - restriction: || (&& (== net46) (>= dnxcore50)) (&& (== net46) (>= netstandard1.6)) (== netstandard2.0) (== netcoreapp2.0)
      System.Security.Cryptography.Csp (>= 4.3) - restriction: || (&& (== net46) (>= netstandard1.6)) (== netstandard2.0) (== netcoreapp2.0)
      System.Security.Cryptography.Encoding (>= 4.3)
      System.Security.Cryptography.OpenSsl (>= 4.3) - restriction: || (&& (== net46) (>= netstandard1.6)) (== netstandard2.0) (== netcoreapp2.0)
      System.Security.Cryptography.Primitives (>= 4.3) - restriction: || (&& (== net46) (>= dnxcore50)) (&& (== net46) (>= netstandard1.6)) (== netstandard2.0) (== netcoreapp2.0)
      System.Text.Encoding (>= 4.3) - restriction: || (&& (== net46) (>= dnxcore50)) (&& (== net46) (>= netstandard1.6)) (== netstandard2.0) (== netcoreapp2.0)
      System.Threading (>= 4.3) - restriction: || (&& (== net46) (>= dnxcore50)) (&& (== net46) (>= netstandard1.6)) (== netstandard2.0) (== netcoreapp2.0)
    System.Security.Principal (4.3) - restriction: || (&& (== net46) (>= netstandard1.6)) (== netstandard2.0) (== netcoreapp2.0)
      System.Runtime (>= 4.3) - restriction: || (&& (== net46) (< net45)) (&& (== net46) (>= dnxcore50)) (== netstandard2.0) (== netcoreapp2.0)
    System.Security.Principal.Windows (4.4) - restriction: || (&& (== net46) (>= netstandard1.6)) (&& (== net46) (>= netstandard2.0)) (&& (== net46) (>= monotouch)) (&& (== net46) (>= xamarintvos)) (&& (== net46) (>= xamarinwatchos)) (&& (== net46) (>= xamarinios)) (&& (== net46) (>= xamarinmac)) (== netstandard2.0) (== netcoreapp2.0)
      Microsoft.NETCore.Platforms (>= 2.0) - restriction: || (&& (== net46) (>= netcoreapp2.0)) (&& (== netstandard2.0) (>= netcoreapp2.0)) (== netcoreapp2.0)
    System.Security.SecureString (4.3) - restriction: || (&& (== net46) (== netstandard2.0)) (&& (== net46) (== netcoreapp2.0)) (&& (== net46) (< net45) (>= netstandard1.5)) (== netstandard2.0) (&& (== netstandard2.0) (== netcoreapp2.0)) (== netcoreapp2.0)
      Microsoft.NETCore.Platforms (>= 1.1) - restriction: || (== netstandard2.0) (== netcoreapp2.0)
      System.Resources.ResourceManager (>= 4.3) - restriction: || (== netstandard2.0) (== netcoreapp2.0)
      System.Runtime (>= 4.3) - restriction: || (== netstandard2.0) (== netcoreapp2.0)
      System.Runtime.Handles (>= 4.3) - restriction: || (== netstandard2.0) (== netcoreapp2.0)
      System.Runtime.InteropServices (>= 4.3) - restriction: || (== netstandard2.0) (== netcoreapp2.0)
      System.Security.Cryptography.Primitives (>= 4.3) - restriction: || (== netstandard2.0) (== netcoreapp2.0)
      System.Text.Encoding (>= 4.3) - restriction: || (== netstandard2.0) (== netcoreapp2.0)
      System.Threading (>= 4.3) - restriction: || (== netstandard2.0) (== netcoreapp2.0)
    System.Text.Encoding (4.3) - restriction: || (&& (== net46) (< net20)) (&& (== net46) (< net45)) (&& (== net46) (>= dnxcore50)) (&& (== net46) (>= netstandard1.6)) (== netstandard2.0) (== netcoreapp2.0)
      Microsoft.NETCore.Platforms (>= 1.1) - restriction: || (&& (== net46) (< net45)) (&& (== net46) (>= dnxcore50)) (== netstandard2.0) (== netcoreapp2.0)
      Microsoft.NETCore.Targets (>= 1.1) - restriction: || (&& (== net46) (< net45)) (&& (== net46) (>= dnxcore50)) (== netstandard2.0) (== netcoreapp2.0)
      System.Runtime (>= 4.3) - restriction: || (&& (== net46) (< net45)) (&& (== net46) (>= dnxcore50)) (== netstandard2.0) (== netcoreapp2.0)
    System.Text.Encoding.Extensions (4.3) - restriction: || (&& (== net46) (== netstandard2.0)) (&& (== net46) (== netcoreapp2.0)) (&& (== net46) (>= netstandard1.6)) (== netstandard2.0) (&& (== netstandard2.0) (== netcoreapp2.0)) (== netcoreapp2.0)
      Microsoft.NETCore.Platforms (>= 1.1) - restriction: || (&& (== net46) (< net45)) (&& (== net46) (>= dnxcore50)) (== netstandard2.0) (== netcoreapp2.0)
      Microsoft.NETCore.Targets (>= 1.1) - restriction: || (&& (== net46) (< net45)) (&& (== net46) (>= dnxcore50)) (== netstandard2.0) (== netcoreapp2.0)
      System.Runtime (>= 4.3) - restriction: || (&& (== net46) (< net45)) (&& (== net46) (>= dnxcore50)) (== netstandard2.0) (== netcoreapp2.0)
      System.Text.Encoding (>= 4.3) - restriction: || (&& (== net46) (< net45)) (&& (== net46) (>= dnxcore50)) (== netstandard2.0) (== netcoreapp2.0)
    System.Text.RegularExpressions (4.3) - restriction: || (&& (== net46) (>= netstandard1.6)) (== netstandard2.0) (== netcoreapp2.0)
      System.Collections (>= 4.3) - restriction: || (&& (== net46) (>= dnxcore50)) (&& (== net46) (>= netstandard1.6)) (== netstandard2.0) (&& (== netcoreapp2.0) (>= dnxcore50)) (&& (== netcoreapp2.0) (< netcoreapp1.1))
      System.Globalization (>= 4.3) - restriction: || (&& (== net46) (>= dnxcore50)) (&& (== net46) (>= netstandard1.6)) (== netstandard2.0) (&& (== netcoreapp2.0) (>= dnxcore50)) (&& (== netcoreapp2.0) (< netcoreapp1.1))
      System.Resources.ResourceManager (>= 4.3) - restriction: || (&& (== net46) (>= dnxcore50)) (&& (== net46) (>= netstandard1.6)) (== netstandard2.0) (&& (== netcoreapp2.0) (>= dnxcore50)) (&& (== netcoreapp2.0) (< netcoreapp1.1))
      System.Runtime (>= 4.3) - restriction: || (&& (== net46) (< net45)) (&& (== net46) (>= dnxcore50)) (&& (== net46) (>= netstandard1.6)) (&& (== net46) (>= netcoreapp1.1)) (== netstandard2.0) (== netcoreapp2.0)
      System.Runtime.Extensions (>= 4.3) - restriction: || (&& (== net46) (>= dnxcore50)) (&& (== net46) (>= netstandard1.6)) (== netstandard2.0) (&& (== netcoreapp2.0) (>= dnxcore50)) (&& (== netcoreapp2.0) (< netcoreapp1.1))
      System.Threading (>= 4.3) - restriction: || (&& (== net46) (>= dnxcore50)) (&& (== net46) (>= netstandard1.6)) (== netstandard2.0) (&& (== netcoreapp2.0) (>= dnxcore50)) (&& (== netcoreapp2.0) (< netcoreapp1.1))
    System.Threading (4.3) - restriction: || (&& (== net46) (< net20)) (&& (== net46) (< net45)) (&& (== net46) (>= dnxcore50)) (&& (== net46) (>= netstandard1.6)) (&& (== net46) (>= netcoreapp1.0)) (== netstandard2.0) (== netcoreapp2.0)
      System.Runtime (>= 4.3) - restriction: || (&& (== net46) (< net45)) (&& (== net46) (>= dnxcore50)) (== netstandard2.0) (== netcoreapp2.0)
      System.Threading.Tasks (>= 4.3) - restriction: || (&& (== net46) (< net45)) (&& (== net46) (>= dnxcore50)) (== netstandard2.0) (== netcoreapp2.0)
    System.Threading.Tasks (4.3) - restriction: || (&& (== net46) (< net45)) (&& (== net46) (>= dnxcore50)) (&& (== net46) (>= netstandard1.6)) (&& (== net46) (>= netcoreapp1.0)) (== netstandard2.0) (== netcoreapp2.0)
      Microsoft.NETCore.Platforms (>= 1.1) - restriction: || (&& (== net46) (< net45)) (&& (== net46) (>= dnxcore50)) (== netstandard2.0) (== netcoreapp2.0)
      Microsoft.NETCore.Targets (>= 1.1) - restriction: || (&& (== net46) (< net45)) (&& (== net46) (>= dnxcore50)) (== netstandard2.0) (== netcoreapp2.0)
      System.Runtime (>= 4.3) - restriction: || (&& (== net46) (< net45)) (&& (== net46) (>= dnxcore50)) (== netstandard2.0) (== netcoreapp2.0)
    System.Threading.Tasks.Extensions (4.4) - restriction: || (&& (== net46) (== netstandard2.0)) (&& (== net46) (== netcoreapp2.0)) (&& (== net46) (>= netstandard1.6)) (== netstandard2.0) (&& (== netstandard2.0) (== netcoreapp2.0)) (== netcoreapp2.0)
    System.Threading.Tasks.Parallel (4.3) - restriction: || (&& (== net46) (== netstandard2.0)) (&& (== net46) (== netcoreapp2.0)) (&& (== net46) (>= netstandard1.6)) (== netstandard2.0) (&& (== netstandard2.0) (== netcoreapp2.0)) (== netcoreapp2.0)
      System.Collections.Concurrent (>= 4.3) - restriction: || (&& (== net46) (< net45)) (&& (== net46) (>= dnxcore50)) (== netstandard2.0) (== netcoreapp2.0)
      System.Diagnostics.Debug (>= 4.3) - restriction: || (&& (== net46) (< net45)) (&& (== net46) (>= dnxcore50)) (== netstandard2.0) (== netcoreapp2.0)
      System.Diagnostics.Tracing (>= 4.3) - restriction: || (&& (== net46) (< net45)) (&& (== net46) (>= dnxcore50)) (== netstandard2.0) (== netcoreapp2.0)
      System.Resources.ResourceManager (>= 4.3) - restriction: || (&& (== net46) (< net45)) (&& (== net46) (>= dnxcore50)) (== netstandard2.0) (== netcoreapp2.0)
      System.Runtime (>= 4.3) - restriction: || (&& (== net46) (< net45)) (&& (== net46) (>= dnxcore50)) (== netstandard2.0) (== netcoreapp2.0)
      System.Runtime.Extensions (>= 4.3) - restriction: || (&& (== net46) (< net45)) (&& (== net46) (>= dnxcore50)) (== netstandard2.0) (== netcoreapp2.0)
      System.Threading (>= 4.3) - restriction: || (&& (== net46) (< net45)) (&& (== net46) (>= dnxcore50)) (== netstandard2.0) (== netcoreapp2.0)
      System.Threading.Tasks (>= 4.3) - restriction: || (&& (== net46) (< net45)) (&& (== net46) (>= dnxcore50)) (== netstandard2.0) (== netcoreapp2.0)
    System.Threading.Thread (4.3) - restriction: || (&& (== net46) (>= netstandard1.6)) (&& (== net46) (>= netcoreapp1.0)) (== netstandard2.0) (== netcoreapp2.0)
      System.Runtime (>= 4.3) - restriction: || (== netstandard2.0) (== netcoreapp2.0)
    System.Threading.ThreadPool (4.3) - restriction: || (&& (== net46) (>= netstandard1.6)) (== netstandard2.0) (== netcoreapp2.0)
      System.Runtime (>= 4.3) - restriction: || (== netstandard2.0) (== netcoreapp2.0)
      System.Runtime.Handles (>= 4.3) - restriction: || (== netstandard2.0) (== netcoreapp2.0)
    System.Threading.Timer (4.3) - restriction: || (&& (== net46) (== netstandard2.0)) (&& (== net46) (== netcoreapp2.0)) (&& (== net46) (>= netstandard1.6)) (== netstandard2.0) (&& (== netstandard2.0) (== netcoreapp2.0)) (== netcoreapp2.0)
      Microsoft.NETCore.Platforms (>= 1.1) - restriction: || (&& (== net46) (< net451)) (&& (== net46) (>= dnxcore50)) (== netstandard2.0) (== netcoreapp2.0)
      Microsoft.NETCore.Targets (>= 1.1) - restriction: || (&& (== net46) (< net451)) (&& (== net46) (>= dnxcore50)) (== netstandard2.0) (== netcoreapp2.0)
      System.Runtime (>= 4.3) - restriction: || (&& (== net46) (< net451)) (&& (== net46) (>= dnxcore50)) (== netstandard2.0) (== netcoreapp2.0)
    System.ValueTuple (4.4) - restriction: || (&& (== net46) (== netstandard2.0)) (&& (== net46) (== netcoreapp2.0)) (&& (== net46) (>= net461)) (&& (== net46) (>= netstandard1.6)) (== netstandard2.0) (&& (== netstandard2.0) (== netcoreapp2.0)) (== netcoreapp2.0)
    System.Xml.ReaderWriter (4.3) - restriction: || (&& (== net46) (< net20)) (&& (== net46) (< net45) (>= net461)) (&& (== net46) (>= net461) (>= dnxcore50)) (&& (== net46) (>= netstandard1.6)) (&& (== net46) (>= netcoreapp1.0)) (== netstandard2.0) (== netcoreapp2.0)
      System.Collections (>= 4.3) - restriction: || (&& (== net46) (< net45)) (&& (== net46) (>= dnxcore50)) (== netstandard2.0) (== netcoreapp2.0)
      System.Diagnostics.Debug (>= 4.3) - restriction: || (&& (== net46) (< net45)) (&& (== net46) (>= dnxcore50)) (== netstandard2.0) (== netcoreapp2.0)
      System.Globalization (>= 4.3) - restriction: || (&& (== net46) (< net45)) (&& (== net46) (>= dnxcore50)) (== netstandard2.0) (== netcoreapp2.0)
      System.IO (>= 4.3) - restriction: || (&& (== net46) (< net45)) (&& (== net46) (>= dnxcore50)) (== netstandard2.0) (== netcoreapp2.0)
      System.IO.FileSystem (>= 4.3) - restriction: || (&& (== net46) (< net45)) (&& (== net46) (>= dnxcore50)) (== netstandard2.0) (== netcoreapp2.0)
      System.IO.FileSystem.Primitives (>= 4.3) - restriction: || (&& (== net46) (< net45)) (&& (== net46) (>= dnxcore50)) (== netstandard2.0) (== netcoreapp2.0)
      System.Resources.ResourceManager (>= 4.3) - restriction: || (&& (== net46) (< net45)) (&& (== net46) (>= dnxcore50)) (== netstandard2.0) (== netcoreapp2.0)
      System.Runtime (>= 4.3) - restriction: || (&& (== net46) (< net45)) (&& (== net46) (>= dnxcore50)) (== netstandard2.0) (== netcoreapp2.0)
      System.Runtime.Extensions (>= 4.3) - restriction: || (&& (== net46) (< net45)) (&& (== net46) (>= dnxcore50)) (== netstandard2.0) (== netcoreapp2.0)
      System.Runtime.InteropServices (>= 4.3) - restriction: || (&& (== net46) (< net45)) (&& (== net46) (>= dnxcore50)) (== netstandard2.0) (== netcoreapp2.0)
      System.Text.Encoding (>= 4.3) - restriction: || (&& (== net46) (< net45)) (&& (== net46) (>= dnxcore50)) (== netstandard2.0) (== netcoreapp2.0)
      System.Text.Encoding.Extensions (>= 4.3) - restriction: || (&& (== net46) (< net45)) (&& (== net46) (>= dnxcore50)) (== netstandard2.0) (== netcoreapp2.0)
      System.Text.RegularExpressions (>= 4.3) - restriction: || (&& (== net46) (< net45)) (&& (== net46) (>= dnxcore50)) (== netstandard2.0) (== netcoreapp2.0)
      System.Threading.Tasks (>= 4.3) - restriction: || (&& (== net46) (< net45)) (&& (== net46) (>= dnxcore50)) (== netstandard2.0) (== netcoreapp2.0)
      System.Threading.Tasks.Extensions (>= 4.3) - restriction: || (&& (== net46) (< net45)) (&& (== net46) (>= dnxcore50)) (== netstandard2.0) (== netcoreapp2.0)
    System.Xml.XDocument (4.3) - restriction: || (&& (== net46) (>= netstandard1.6)) (== netstandard2.0) (== netcoreapp2.0)
      System.Collections (>= 4.3) - restriction: || (&& (== net46) (< net45)) (&& (== net46) (>= dnxcore50)) (== netstandard2.0) (== netcoreapp2.0)
      System.Diagnostics.Debug (>= 4.3) - restriction: || (&& (== net46) (< net45)) (&& (== net46) (>= dnxcore50)) (== netstandard2.0) (== netcoreapp2.0)
      System.Diagnostics.Tools (>= 4.3) - restriction: || (&& (== net46) (< net45)) (&& (== net46) (>= dnxcore50)) (== netstandard2.0) (== netcoreapp2.0)
      System.Globalization (>= 4.3) - restriction: || (&& (== net46) (< net45)) (&& (== net46) (>= dnxcore50)) (== netstandard2.0) (== netcoreapp2.0)
      System.IO (>= 4.3) - restriction: || (&& (== net46) (< net45)) (&& (== net46) (>= dnxcore50)) (== netstandard2.0) (== netcoreapp2.0)
      System.Reflection (>= 4.3) - restriction: || (&& (== net46) (< net45)) (&& (== net46) (>= dnxcore50)) (== netstandard2.0) (== netcoreapp2.0)
      System.Resources.ResourceManager (>= 4.3) - restriction: || (&& (== net46) (< net45)) (&& (== net46) (>= dnxcore50)) (== netstandard2.0) (== netcoreapp2.0)
      System.Runtime (>= 4.3) - restriction: || (&& (== net46) (< net45)) (&& (== net46) (>= dnxcore50)) (== netstandard2.0) (== netcoreapp2.0)
      System.Runtime.Extensions (>= 4.3) - restriction: || (&& (== net46) (< net45)) (&& (== net46) (>= dnxcore50)) (== netstandard2.0) (== netcoreapp2.0)
      System.Text.Encoding (>= 4.3) - restriction: || (&& (== net46) (< net45)) (&& (== net46) (>= dnxcore50)) (== netstandard2.0) (== netcoreapp2.0)
      System.Threading (>= 4.3) - restriction: || (&& (== net46) (< net45)) (&& (== net46) (>= dnxcore50)) (== netstandard2.0) (== netcoreapp2.0)
      System.Xml.ReaderWriter (>= 4.3) - restriction: || (&& (== net46) (< net45)) (&& (== net46) (>= dnxcore50)) (== netstandard2.0) (== netcoreapp2.0)
    System.Xml.XmlDocument (4.3) - restriction: || (&& (== net46) (< net20)) (&& (== net46) (>= netcoreapp1.0)) (== netstandard2.0) (== netcoreapp2.0)
      System.Collections (>= 4.3) - restriction: || (== netstandard2.0) (== netcoreapp2.0)
      System.Diagnostics.Debug (>= 4.3) - restriction: || (== netstandard2.0) (== netcoreapp2.0)
      System.Globalization (>= 4.3) - restriction: || (== netstandard2.0) (== netcoreapp2.0)
      System.IO (>= 4.3) - restriction: || (== netstandard2.0) (== netcoreapp2.0)
      System.Resources.ResourceManager (>= 4.3) - restriction: || (== netstandard2.0) (== netcoreapp2.0)
      System.Runtime (>= 4.3) - restriction: || (== netstandard2.0) (== netcoreapp2.0)
      System.Runtime.Extensions (>= 4.3) - restriction: || (== netstandard2.0) (== netcoreapp2.0)
      System.Text.Encoding (>= 4.3) - restriction: || (== netstandard2.0) (== netcoreapp2.0)
      System.Threading (>= 4.3) - restriction: || (== netstandard2.0) (== netcoreapp2.0)
      System.Xml.ReaderWriter (>= 4.3) - restriction: || (== netstandard2.0) (== netcoreapp2.0)
    System.Xml.XmlSerializer (4.3) - restriction: || (&& (== net46) (== netstandard2.0)) (&& (== net46) (== netcoreapp2.0)) (&& (== net46) (>= netstandard1.6)) (== netstandard2.0) (&& (== netstandard2.0) (== netcoreapp2.0)) (== netcoreapp2.0)
      System.Collections (>= 4.3) - restriction: || (&& (== net46) (< net45)) (&& (== net46) (>= dnxcore50)) (== netstandard2.0) (== netcoreapp2.0)
      System.Globalization (>= 4.3) - restriction: || (&& (== net46) (< net45)) (&& (== net46) (>= dnxcore50)) (== netstandard2.0) (== netcoreapp2.0)
      System.IO (>= 4.3) - restriction: || (&& (== net46) (< net45)) (&& (== net46) (>= dnxcore50)) (== netstandard2.0) (== netcoreapp2.0)
      System.Linq (>= 4.3) - restriction: || (&& (== net46) (< net45)) (&& (== net46) (>= dnxcore50)) (== netstandard2.0) (== netcoreapp2.0)
      System.Reflection (>= 4.3) - restriction: || (&& (== net46) (< net45)) (&& (== net46) (>= dnxcore50)) (== netstandard2.0) (== netcoreapp2.0)
      System.Reflection.Emit (>= 4.3) - restriction: || (&& (== net46) (< net45)) (&& (== net46) (>= dnxcore50)) (== netstandard2.0) (== netcoreapp2.0)
      System.Reflection.Emit.ILGeneration (>= 4.3) - restriction: || (&& (== net46) (< net45)) (&& (== net46) (>= dnxcore50)) (== netstandard2.0) (== netcoreapp2.0)
      System.Reflection.Extensions (>= 4.3) - restriction: || (&& (== net46) (< net45)) (&& (== net46) (>= dnxcore50)) (== netstandard2.0) (== netcoreapp2.0)
      System.Reflection.Primitives (>= 4.3) - restriction: || (&& (== net46) (< net45)) (&& (== net46) (>= dnxcore50)) (== netstandard2.0) (== netcoreapp2.0)
      System.Reflection.TypeExtensions (>= 4.3) - restriction: || (&& (== net46) (< net45)) (&& (== net46) (>= dnxcore50)) (== netstandard2.0) (== netcoreapp2.0)
      System.Resources.ResourceManager (>= 4.3) - restriction: || (&& (== net46) (< net45)) (&& (== net46) (>= dnxcore50)) (== netstandard2.0) (== netcoreapp2.0)
      System.Runtime (>= 4.3) - restriction: || (&& (== net46) (< net45)) (&& (== net46) (>= dnxcore50)) (== netstandard2.0) (== netcoreapp2.0)
      System.Runtime.Extensions (>= 4.3) - restriction: || (&& (== net46) (< net45)) (&& (== net46) (>= dnxcore50)) (== netstandard2.0) (== netcoreapp2.0)
      System.Text.RegularExpressions (>= 4.3) - restriction: || (&& (== net46) (< net45)) (&& (== net46) (>= dnxcore50)) (== netstandard2.0) (== netcoreapp2.0)
      System.Threading (>= 4.3) - restriction: || (&& (== net46) (< net45)) (&& (== net46) (>= dnxcore50)) (== netstandard2.0) (== netcoreapp2.0)
      System.Xml.ReaderWriter (>= 4.3) - restriction: || (&& (== net46) (< net45)) (&& (== net46) (>= dnxcore50)) (== netstandard2.0) (== netcoreapp2.0)
      System.Xml.XmlDocument (>= 4.3) - restriction: || (&& (== net46) (< net45)) (&& (== net46) (>= dnxcore50)) (== netstandard2.0) (== netcoreapp2.0)
    System.Xml.XPath (4.3) - restriction: || (&& (== net46) (== netstandard2.0) (>= netcoreapp1.0)) (&& (== net46) (== netcoreapp2.0)) (&& (== net46) (>= netcoreapp1.0)) (&& (== netstandard2.0) (== netcoreapp2.0)) (&& (== netstandard2.0) (>= netcoreapp1.0)) (== netcoreapp2.0)
      System.Collections (>= 4.3) - restriction: || (== netstandard2.0) (== netcoreapp2.0)
      System.Diagnostics.Debug (>= 4.3) - restriction: || (== netstandard2.0) (== netcoreapp2.0)
      System.Globalization (>= 4.3) - restriction: || (== netstandard2.0) (== netcoreapp2.0)
      System.IO (>= 4.3) - restriction: || (== netstandard2.0) (== netcoreapp2.0)
      System.Resources.ResourceManager (>= 4.3) - restriction: || (== netstandard2.0) (== netcoreapp2.0)
      System.Runtime (>= 4.3) - restriction: || (== netstandard2.0) (== netcoreapp2.0)
      System.Runtime.Extensions (>= 4.3) - restriction: || (== netstandard2.0) (== netcoreapp2.0)
      System.Threading (>= 4.3) - restriction: || (== netstandard2.0) (== netcoreapp2.0)
      System.Xml.ReaderWriter (>= 4.3) - restriction: || (== netstandard2.0) (== netcoreapp2.0)
    System.Xml.XPath.XmlDocument (4.3) - restriction: || (&& (== net46) (== netstandard2.0) (>= netcoreapp1.0)) (&& (== net46) (== netcoreapp2.0)) (&& (== net46) (>= netcoreapp1.0)) (&& (== netstandard2.0) (== netcoreapp2.0)) (&& (== netstandard2.0) (>= netcoreapp1.0)) (== netcoreapp2.0)
      System.Collections (>= 4.3) - restriction: || (== netstandard2.0) (== netcoreapp2.0)
      System.Globalization (>= 4.3) - restriction: || (== netstandard2.0) (== netcoreapp2.0)
      System.IO (>= 4.3) - restriction: || (== netstandard2.0) (== netcoreapp2.0)
      System.Resources.ResourceManager (>= 4.3) - restriction: || (== netstandard2.0) (== netcoreapp2.0)
      System.Runtime (>= 4.3) - restriction: || (== netstandard2.0) (== netcoreapp2.0)
      System.Runtime.Extensions (>= 4.3) - restriction: || (== netstandard2.0) (== netcoreapp2.0)
      System.Threading (>= 4.3) - restriction: || (== netstandard2.0) (== netcoreapp2.0)
      System.Xml.ReaderWriter (>= 4.3) - restriction: || (== netstandard2.0) (== netcoreapp2.0)
      System.Xml.XmlDocument (>= 4.3)
      System.Xml.XPath (>= 4.3)
    TweetinviAPI (2.0)
      Autofac (>= 4.6)
      Newtonsoft.Json (>= 10.0.2)
      Nito.AsyncEx.Context (>= 1.1)
      System.Net.Http (>= 4.3.2)
      System.Reflection.TypeExtensions (>= 4.3)
      System.Runtime.Serialization.Primitives (>= 4.3)
    xunit (2.3.0-beta5-build3769)
      xunit.analyzers (>= 0.7)
      xunit.assert (2.3.0-beta5-build3769)
      xunit.core (2.3.0-beta5-build3769)
    xunit.abstractions (2.0.1)
      NETStandard.Library (>= 1.6) - restriction: || (&& (== net46) (< net35)) (== netstandard2.0) (== netcoreapp2.0)
    xunit.analyzers (0.7)
    xunit.assert (2.3.0-beta5-build3769)
      NETStandard.Library (>= 1.6.1) - restriction: || (&& (== net46) (< net452)) (== netstandard2.0) (== netcoreapp2.0)
    xunit.core (2.3.0-beta5-build3769)
      xunit.extensibility.core (2.3.0-beta5-build3769)
      xunit.extensibility.execution (2.3.0-beta5-build3769)
    xunit.extensibility.core (2.3.0-beta5-build3769)
      NETStandard.Library (>= 1.6.1) - restriction: || (&& (== net46) (< net452)) (== netstandard2.0) (== netcoreapp2.0)
      xunit.abstractions (>= 2.0.1)
    xunit.extensibility.execution (2.3.0-beta5-build3769)
      NETStandard.Library (>= 1.6.1) - restriction: || (&& (== net46) (< net452)) (== netstandard2.0) (== netcoreapp2.0)
      xunit.extensibility.core (2.3.0-beta5-build3769)
    xunit.runner.visualstudio (2.3.0-beta5-build3769)
      Microsoft.DotNet.PlatformAbstractions (>= 1.1) - restriction: || (&& (== net46) (>= netcoreapp1.0)) (&& (== netstandard2.0) (>= netcoreapp1.0)) (== netcoreapp2.0)
      Microsoft.Extensions.DependencyModel (>= 1.1) - restriction: || (&& (== net46) (>= netcoreapp1.0)) (&& (== netstandard2.0) (>= netcoreapp1.0)) (== netcoreapp2.0)
      Microsoft.TestPlatform.ObjectModel (>= 15.0) - restriction: || (&& (== net46) (>= netcoreapp1.0)) (&& (== netstandard2.0) (>= netcoreapp1.0)) (== netcoreapp2.0)
  remote: https://www.myget.org/F/sentimentfs/api/v2
    SentimentFS.Core (1.1.0) - restriction: || (&& (== net46) (== netstandard2.0)) (&& (== net46) (== netcoreapp2.0)) (&& (== net46) (>= net461)) (&& (== net46) (>= netstandard1.6)) (== netstandard2.0) (&& (== netstandard2.0) (== netcoreapp2.0)) (== netcoreapp2.0)
      FSharp.Core (>= 4.2.2) - restriction: || (&& (== net46) (>= net461)) (&& (== net46) (>= netstandard1.6)) (== netstandard2.0) (== netcoreapp2.0)
      ServiceStack.Text.Core (>= 1.0.43) - restriction: || (&& (== net46) (>= net461)) (&& (== net46) (>= netstandard1.6)) (== netstandard2.0) (== netcoreapp2.0)
      System.ValueTuple (>= 4.4) - restriction: || (&& (== net46) (>= net461)) (&& (== net46) (>= netstandard1.6)) (== netstandard2.0) (== netcoreapp2.0)
    SentimentFS.NaiveBayes (1.2.1)
      FSharp.Core (>= 4.2.3) - restriction: || (&& (== net46) (>= net461)) (&& (== net46) (>= netstandard1.6)) (== netstandard2.0) (== netcoreapp2.0)
      SentimentFS.Core (>= 1.1) - restriction: || (&& (== net46) (>= net461)) (&& (== net46) (>= netstandard1.6)) (== netstandard2.0) (== netcoreapp2.0)
      SentimentFS.TextUtilities (>= 0.6) - restriction: || (&& (== net46) (>= net461)) (&& (== net46) (>= netstandard1.6)) (== netstandard2.0) (== netcoreapp2.0)
      System.ValueTuple (>= 4.4) - restriction: || (&& (== net46) (>= net461)) (&& (== net46) (>= netstandard1.6)) (== netstandard2.0) (== netcoreapp2.0)
    SentimentFS.Stemmer (1.0.0)
      FSharp.Core (>= 4.2.2) - restriction: || (&& (== net46) (>= net461)) (&& (== net46) (>= netstandard1.6)) (== netstandard2.0) (== netcoreapp2.0)
      SentimentFS.TextUtilities (>= 0.6) - restriction: || (&& (== net46) (>= net461)) (&& (== net46) (>= netstandard1.6)) (== netstandard2.0) (== netcoreapp2.0)
    SentimentFS.TextUtilities (0.6.0) - restriction: || (&& (== net46) (>= net461)) (&& (== net46) (>= netstandard1.6)) (== netstandard2.0) (== netcoreapp2.0)
      FSharp.Core (>= 4.2.2) - restriction: || (&& (== net46) (>= net461)) (&& (== net46) (>= netstandard1.6)) (== netstandard2.0) (== netcoreapp2.0)
      NETStandard.Library (>= 1.6.1) - restriction: || (&& (== net46) (>= netstandard1.6)) (== netstandard2.0) (== netcoreapp2.0)
      System.ValueTuple (>= 4.4) - restriction: || (&& (== net46) (>= net461)) (&& (== net46) (>= netstandard1.6)) (== netstandard2.0) (== netcoreapp2.0)
